dss_sc 1 1 9.99999984307e+17 -9.99999984307e+17 0 4 1 0 1 64
1 0 
0 
crf 1 1 9.99999984307e+17 -9.99999984307e+17 0 4 1 0 1 64
1 0 
0 
acqpath 2 2 8 0 0 2 1 0 1 64
1 ""
0 
CStype 4 2 4 0 0 2 1 0 1 64
1 "a"
0 
CSprofile 2 2 8 0 0 2 1 256 1 64
3 ""
""
""
0 
CSdnoise 4 2 4 0 0 3 1 0 1 64
1 "y"
0 
CS_inf 4 2 4 0 0 3 1 0 1 64
1 "y"
0 
CS_cln 4 2 4 0 0 3 1 0 1 64
1 "y"
0 
Archive1 2 2 8 0 0 2 1 0 1 64
1 ""
0 
ACQtime 7 1 100000000 0 1 2 1 256 1 64
1 2030.021939 
0 
Archive2 2 2 8 0 0 2 1 0 1 64
1 ""
0 
CS_dpars 4 2 4 0 0 3 1 0 1 64
1 "y"
0 
CSdensity 1 1 100 5 0 2 1 0 1 64
1 100 
0 
CS_se 4 2 4 0 0 3 1 0 1 64
1 "n"
0 
CSlines 7 1 32767 0 0 2 1 0 1 64
1 4 
0 
CSdomain 7 1 32767 0 0 2 1 0 1 64
1 1 
0 
CSinp 2 2 8 0 0 2 1 0 1 64
1 ""
0 
CSniIndex 7 1 32767 0 0 2 1 256 1 64
1 0 
0 
CSni2Index 7 1 32767 0 0 2 1 256 1 64
1 0 
0 
CSpars 2 2 8 0 0 2 1 256 1 64
1 ""
0 
CSshowsch 4 2 4 0 0 2 1 0 1 64
1 "y"
0 
CSseed 1 1 9.99999984307e+17 -9.99999984307e+17 0 2 1 0 1 64
1 169 
0 
CSreconmethod 2 2 8 0 0 3 1 0 1 64
1 "CLEAN"
0 
CSprosize 7 1 32767 0 0 2 1 256 1 64
3 0 0 0 
0 
CSshowpro 4 2 4 0 0 2 1 0 1 64
1 "y"
0 
CSshape 2 2 8 0 0 2 1 0 1 64
1 "gexp"
0 
CSthr 1 1 100 1 0.1 3 1 0 1 64
1 2 
0 
CSsp 7 1 32767 0 0 3 1 0 1 64
1 0 
0 
Qmult 1 1 9.99999984307e+17 -9.99999984307e+17 0 2 1 0 1 64
1 0.5 
0 
H1reffrq 1 1 9.99999984307e+17 -9.99999984307e+17 0 2 1 0 1 64
1 500.113785652 
0 
CSwt 4 2 4 0 0 2 1 0 1 64
1 "n"
0 
CSwp 7 1 32767 0 0 3 1 0 1 64
1 0 
0 
Gmap 2 2 8 0 0 2 1 1 1 64
1 "lk"
0 
EDratio 1 1 9.99999984307e+17 -9.99999984307e+17 0 2 1 0 1 64
1 3.97425 
0 
Gmapname 2 2 8 0 0 2 1 1 1 64
1 ""
0 
PFGflg 4 2 4 0 0 2 1 0 1 64
1 "nnp"
0 
MinSW 2 2 8 0 0 3 1 0 1 64
1 "skip"
4 "off" "auto" "manual" "skip" 
IPrunid 2 2 8 0 0 2 1 0 1 64
1 ""
0 
Qins 1 1 9.99999984307e+17 -9.99999984307e+17 0 2 1 0 1 64
1 80 
0 
Qgain 1 1 9.99999984307e+17 -9.99999984307e+17 0 2 1 0 1 64
1 30 
0 
Qinsref 1 1 9.99999984307e+17 -9.99999984307e+17 0 2 1 0 1 64
1 7.4912e-05 
0 
acqcycles 1 1 9.99999984307e+17 -9.99999984307e+17 0 2 1 0 1 64
1 256 
0 
accord 4 2 4 0 0 2 1 0 1 64
1 "y"
0 
REQexp 2 2 8 0 0 4 1 256 1 64
1 "wet1D PRESAT PROTON"
0 
acqdim 7 1 32767 0 0 2 1 0 1 64
1 2 
0 
bs 7 1 32767 0 1 2 1 0 1 64
1 8 
0 
archivedir 2 2 8 0 0 2 1 0 1 64
1 ""
0 
alfa 6 1 13 13 13 2 1 8194 1 64
1 10 
0 
adirtmplt 2 2 8 0 0 2 1 0 1 64
1 "$userdir$/data"
0 
actionid 2 2 8 0 0 4 1 0 1 64
1 "null"
0 
acqstatus 7 1 32767 0 0 2 1 256 1 64
2 101 27 
0 
adir2tmplt 2 2 8 0 0 2 1 0 1 64
1 ""
0 
aig 2 2 2 0 0 4 1 1 1 64
1 "ai"
2 "nm" "ai" 
ap 2 2 1023 0 0 4 1 6 1 64
1 "1:SAMPLE:date,solvent,sample;1:ACQUISITION:sw:1,at:3,np:0,fb:0,ss(ss):0,d1:3,nt:0;1:2D ACQUISITION:sw1:1,ni,d2(d2):6,phase;1:PRESATURATION:satmode,wet;1:TRANSMITTER:tn,sfrq:3,tof:1,tpwr:0,pw:3;1:DECOUPLER:dn,dof:1,dm,decwave,dmf,dpwr,pwxlvl,pwx:3;1:HMBC:j1xh:1,jnxh:1;1:ADIABATCIC:pwx180ad,pwxlvl180,pwx180:1;2:FLAGS:hs,sspul,PFGflg,hsglvl;2:SPECIAL:temp:1,gain:0,spin:0;2:GRADIENTS:gzlvl1,gt1:6,gzlvl3,gt3:6,gstab:6;2:F2 PROCESSING:lb(lb):2,sb(sb):3,sbs(sb):3,gf(gf):3,gfs(gf):3,awc(awc):3,lsfid(lsfid):0,phfid(phfid):1,proc(proc<>'ft'),fn;2:F1 PROCESSING:lb1(lb1):2,sb1(sb1):3,sbs1(sb1):3,gf1(gf1):3,gfs1(gf1):3,awc1(awc1):3,proc1(proc1<>'ft'),fn1:0;2:DISPLAY:sp:1,wp:1,sp1:1,wp1:1,rfl:1,rfp:1,rfl1:1,rfp1:1;2:PLOT:wc:1,sc:1,wc2:1,sc2:1,vs:0,th:0,aig*,dcg*,dmg*;"
0 
alock 2 2 8 0 0 2 1 0 1 64
1 "n"
5 "a" "n" "s" "u" "y" 
apptype 2 2 8 0 0 2 1 1 1 64
1 "hetero2D"
0 
avwdir 2 2 8 0 0 3 1 0 1 64
1 ""
0 
arrayelemts 1 1 9.99999984307e+17 -9.99999984307e+17 0 2 1 0 1 64
1 2 
0 
array 2 2 256 0 0 2 1 1 1 64
1 "phase"
0 
arraydim 7 1 32768 1 1 2 1 5 1 64
1 256 
0 
at 1 1 14 14 14 2 1 8203 1 64
1 0.50002875 
0 
axis 4 2 4 0 0 4 1 0 1 64
1 "pd"
11 "c" "d" "1" "2" "3" "h" "k" "m" "n" "p" "u" 
awc1 1 1 1 -1 0.001 3 1 1 0 64
1 0 
0 
awc 1 1 1 -1 0.001 3 1 1 0 64
1 0 
0 
bipflg 2 2 8 0 0 2 1 8 1 64
1 "nn"
0 
axisf 4 2 4 0 0 4 1 0 1 64
1 "s"
4 "m" "n" "s" "u" 
compshape 2 2 8 0 0 2 1 0 1 64
1 "hard"
0 
cf 7 1 32767 0 1 3 1 1 0 64
1 1 
0 
celem 1 1 9.99999984307e+17 -9.99999984307e+17 0 2 1 0 1 64
1 256 
0 
c13wet 4 2 4 0 0 2 1 0 1 64
1 "n"
0 
composit 4 2 4 0 0 2 1 0 1 64
1 "n"
0 
comment 2 2 8 0 0 3 1 0 1 64
1 ""
0 
cppauseflg 4 2 4 0 0 4 1 0 1 64
1 "n"
0 
console 2 2 8 0 0 2 1 0 1 64
1 "inova"
0 
concentration 1 1 9.99e+17 -9.99e+17 0 2 1 0 1 64
1 0 
0 
cp 2 2 1 0 0 2 1 0 1 64
1 "y"
2 "y" "n" 
cr1 1 1 1000000000 -1000000000 0 4 1 3 1 64
1 14919.492596 
0 
cr 1 1 1000000000 -1000000000 0 4 1 1 1 64
1 3532.63330085 
0 
dn3ref 2 2 8 0 0 4 1 1 1 64
1 ""
0 
dfrq 5 1 1000000000 -1000000000 0 2 1 8 1 64
1 125.7668244 
0 
dec3wave 2 2 8 0 0 2 1 0 1 64
1 "g"
0 
date 2 2 9 0 0 2 1 1 1 64
1 "Jul  2 2014"
0 
cutoff 1 1 9.99999984307e+17 -9.99999984307e+17 0 4 1 0 0 64
1 200 
0 
customflag 4 2 4 0 0 4 1 0 1 64
1 "n"
0 
ct 7 1 1000000000 0 1 2 1 6 1 64
1 4 
0 
d2 3 1 14 14 14 2 1 8194 1 64
1 0 
0 
d1 3 1 14 14 14 2 1 8194 1 64
1 1 
0 
dataid 2 2 8 0 0 3 1 0 1 64
1 ""
0 
dcrmv 4 2 9.99999984307e+17 -9.99999984307e+17 0 4 1 0 1 64
1 "n"
2 "y" "n" 
dbwwet 1 1 9.99999984307e+17 -9.99999984307e+17 0 2 1 0 1 64
1 5000 
0 
datname 2 2 8 0 0 3 1 0 1 64
1 ""
0 
dcg 2 2 3 0 0 4 1 1 1 64
1 "cdc"
2 "dc" "cdc" 
dec2wave 2 2 8 0 0 2 1 0 1 64
1 "g"
0 
ddrpm 2 2 8 0 0 2 1 0 1 64
1 "p"
0 
delta1 1 1 500000 0 0 4 1 3 1 64
1 783.350175618 
0 
decwavewet 2 2 8 0 0 2 1 0 1 64
1 "w"
0 
decwave 2 2 8 0 0 2 1 0 1 64
1 "W40_HCN5mm"
0 
delta 1 1 500000 0 0 4 1 1 1 64
1 268.36080064 
0 
deltaf 1 1 100 0 0 4 1 0 1 64
1 0 
0 
density 1 1 9.99999984307e+17 -9.99999984307e+17 0 2 1 0 1 64
1 1 
0 
disCmd 2 2 8 0 0 4 1 0 1 64
1 ""
0 
dgss 2 2 8 0 0 4 1 6 1 64
1 "1:WET:wet,wetshape,wetpwr,pwwet:3,composit,compshape,gzlvlw,gtw:6,gswet:6,dz:6;2:C13 WET:c13wet,dofwet:1,dpwrwet,dmfwet,decwavewet;4:PRESAT:satmode,satpwr,satdly:3,satfrq:1;"
0 
dg2 2 2 8 0 0 4 1 4 1 64
6 "1:1st DECOUPLING:dfrq:3,dn,dpwr:0,dof:1,dm,dmm,dmf:0,dseq,dres:1,homo;"
"2(numrfch>2):2nd DECOUPLING:dfrq2:3,dn2,dpwr2:0,dof2:1,dm2,dmm2,dmf2:0,dseq2,dres2:1,homo2;"
"2(numrfch>3):3rd DECOUPLING:dfrq3:3,dn3,dpwr3:0,dof3:1,dseq3,dres3:1,homo3;"
"3(ni2):3D ACQUISITION:d3:3,sw2:1,ni2:0,phase2:0;"
"3(ni2):3D DISPLAY:rp2:1,lp2:1;"
"4(ni2):3D PROCESSING:lb2:3,sb2:3,sbs2(sb2):3,gf2:3,gfs2(gf2):3,awc2:3,wtfile2,proc2,fn2:0;"
0 
dg1 2 2 1023 0 0 4 1 6 1 64
1 "1:DISPLAY:sp:1,wp:1,vs:0;1:REFERENCE:rfl:1,rfp:1,cr:1,delta:1;1:PHASE:lp:1,rp:1,rp1(ni):1,lp1(ni):1;2:CHART:sc:0,wc:0,hzmm:2,vp:0,axis,pltmod,,th:0,,ho:2,vo:2,,trace:2;3(ni):2D:sp1:1,wp1:1,sc2:0,wc2:0,rfl1:1,rfp1:1;3:FLAGS:aig*,dcg*,dmg*;3:FID:sf:3,wf:3,vf:0;4:INTEGRAL:intmod,is:2,ins:3,io:0,,lvl:3,tlt:3;"
0 
dg 2 2 1023 0 0 4 1 6 1 64
1 "1:ACQUISITION:sw:1,at:3,np:0,bs(bs):0,ss(ss):0,d1:3,d2(d2):3,nt:0,ct:0;1:2D ACQUISITION:sw1:1,ni,phase(phase);1:PRESATURATION:satmode,wet;1:Details in dgss:;2:TRANSMITTER:tn,sfrq:3,tof:1,tpwr:0,pw:3;2:DECOUPLER:dn,dof:1,pwxlvl:0,pwx:3,dm,decwave,dmf:0,dpwr:0;3:HMBC:j1min:1,j1max:1,jnxh:1;3:GRADIENTS:gzlvlE,gtE:6,EDratio:3,gstab:6,hsglvl,hsgt:6;3:SPECIAL:temp:1,spin,gain,pw90:3,sspul;4:ADIABATIC:pwx180ad,pwxlvl180,pwx180:1;4:PROCESSING:cf(nf):0,lb(lb):2,sb(sb):3,sbs(sb):3,gf(gf):3,gfs(gf):3,awc(awc):3,proc(proc<>'ft'),fn:0,math(math<>'f');4:2D PROCESSING:lb1(lb1):2,sb1(sb1):3,sbs1(sb1):3,gf1(gf1):3,gfs1(gf1):3,awc1(awc1):3,proc1(proc1<>'ft'),fn1:0;4:SAMPLE:date,solvent,sample;"
0 
dglp 2 2 8 0 0 4 1 7 1 64
1 "1(lpfilt):LP:lpalg,lpopt,lpfilt:0,lpnupts:0,strtlp:0,lpext:0,strtext:0;2(lpfilt1):LP 1:lpalg1,lpopt1,lpfilt1:0,lpnupts1:0,strtlp1:0,lpext1:0,strtext1:0;3(lpfilt2):LP 2:lpalg2,lpopt2,lpfilt2:0,lpnupts2:0,strtlp2:0,lpext2:0,strtext2:0;4:LP OUTPUT:lpprint(lpfilt):0,lptrace(lpfilt):0,lpprint1(lpfilt1):0,lptrace1(lpfilt1):0,lpprint2(lpfilt2):0,lptrace2(lpfilt2):0;"
0 
dgimp 2 2 8 0 0 4 1 0 1 64
1 "1:IMPRESS:impress,imphase,fadflg;1:Shapes:impshp1,impshp2,impshp3(impress>2),impshp4(impress>2);2:PulseWidths:imppw1:1,imppw2:1,imppw3(impress>2):1,imppw4(impress>2):1;2:Powers:imppwr1,imppwr2,imppwr3(impress>2),imppwr4(impress>2);"
0 
dgs 2 2 1023 0 0 4 1 6 1 64
5 "1:AXIAL SHIMS:z1:0,z2:0,z3:0,z4:0,z5:0,z6:0,z7:0;"
"2:NON AXIAL SHIMS:x1:0,y1:0,xz:0,yz:0,xy:0,x2y2:0,x3:0,y3:0,xz2:0,yz2:0,zxy:0,zx2y2:0,z3x:0,z3y:0;"
"3:NON AXIAL SHIMS:z2x2y2:0,z2xy:0,zx3:0,zy3:0,z4x:0,z4y:0;"
"4:AUTOMATION:method,wshim,load,,spin:0,gain:0,alock,loc:0;"
"4:SPECIAL:temp;"
0 
dhp 1 1 9 9 9 2 1 8192 0 64
1 40 
0 
dgssm 2 2 8 0 0 4 1 6 1 64
1 "1:WET:wet,gzlvlw,gtw:6,gswet:6,dz:6;1:C13 WET:c13wet,dofwet:1,dpwrwet,dmfwet;2:WETshapes:wetshape1,wetshape2,wetshape3,wetshape4;3:WETpowers:wetpwr1,wetpwr2,wetpwr3,wetpwr4;3:WETpulses:pwwet1:3,pwwet2:3,pwwet3:3,pwwet4:3;4:PRESAT:satmode,satpwr,satdly:3,satfrq:1;"
0 
dmg 2 2 2 0 0 4 1 3 1 64
1 "av"
0 
dmf 7 1 11 11 11 2 1 8194 1 64
1 32258 
0 
dlp 7 1 10 10 10 2 1 8194 0 64
1 10 
0 
displaymode 4 2 9.99999984307e+17 -9.99999984307e+17 0 4 1 0 1 64
1 "r"
0 
dm 4 2 4 0 0 2 1 0 1 64
1 "nnn"
4 "a" "n" "s" "y" 
dmfwet 7 1 32767 0 0 2 1 0 1 64
1 5517 
0 
dmmwet 2 2 8 0 0 2 1 0 1 64
1 "w"
0 
dmm 4 2 4 0 0 2 1 0 1 64
1 "ccc"
9 "c" "f" "g" "m" "p" "r" "u" "w" "x" 
dmg1 2 2 8 0 0 4 1 0 1 64
1 "ph1"
4 "" "av1" "ph1" "pwr1" 
dn2ref 2 2 8 0 0 4 1 1 1 64
1 ""
0 
dn 2 2 4 0 0 2 1 8 1 64
1 "C13"
0 
dn2shapes 2 2 8 0 0 2 1 256 1 64
3 ""
""
""
0 
doscout 7 1 10 -10 1 2 1 0 1 64
1 0 
0 
dod 3 1 14 14 14 2 1 8194 1 64
1 0.00999999977648 
0 
dnbippwr 1 1 63 -16 1 2 1 0 1 64
1 61 
0 
dn4ref 2 2 8 0 0 4 1 1 1 64
1 ""
0 
dn3shapes 2 2 8 0 0 2 1 256 1 64
3 ""
""
""
0 
dnbippw 6 1 1000000 0 0.025 2 1 0 1 64
1 30.2 
0 
dnref 2 2 8 0 0 4 1 1 1 64
1 "Me4Si, 1% in CDCl3"
0 
dnbipshp 2 2 8 0 0 2 1 0 1 64
1 "hard"
0 
dnshapes 2 2 8 0 0 2 1 256 1 64
3 ""
""
""
0 
dofwet 5 1 1000000000 -1000000000 0 2 1 0 1 64
1 0 
0 
dof 5 1 8 8 8 2 1 8202 1 64
1 1194.9 
0 
dopwCal 2 2 8 0 0 2 1 256 1 64
3 "n"
"4.0"
"1.0"
0 
dreffrq 1 1 9.99999984307e+17 -9.99999984307e+17 0 2 1 0 1 64
1 125.753711425 
0 
dpatwet 2 2 8 0 0 2 1 0 1 64
1 "waltz16"
0 
dp 2 2 1 0 0 2 1 0 1 64
1 "y"
2 "y" "n" 
dotflag 2 2 8 0 0 4 1 0 1 64
1 "n"
2 "n" "y" 
dpwr 1 1 9 9 9 2 1 8194 1 64
1 44 
0 
dpf_wc2 1 1 9.99999984307e+17 -9.99999984307e+17 0 4 1 0 1 64
1 142 
0 
dpwrwet 1 1 9.99999984307e+17 -9.99999984307e+17 0 2 1 0 1 64
1 39 
0 
dreswet 1 1 9.99999984307e+17 -9.99999984307e+17 0 2 1 0 1 64
1 90 
0 
dres 7 1 360 1 0 2 1 0 1 64
1 9 
0 
dseq 2 2 8 0 0 2 1 0 1 64
1 "W40_5mm_HCX"
0 
dseqwet 2 2 8 0 0 2 1 0 1 64
1 "waltz16"
0 
pltopt 4 2 4 0 0 2 1 0 1 64
1 "n"
0 
lockgain_ 1 1 48 0 1 2 1 65552 1 64
1 27 
0 
hsgt 3 1 14 14 14 2 1 8192 1 64
1 0.002 
0 
go_id 2 2 8 0 0 2 1 7 1 64
1 "exp3.roger.IP_1404331127_699275"
0 
filtfile 2 2 8 0 0 2 1 0 1 64
1 ""
0 
f1coef 2 2 8 0 0 3 1 1 1 64
1 "1 0 1 0 0 -1 0 1"
0 
emailwhen 2 2 8 0 0 2 1 0 1 64
1 ""
0 
dss_wc2 1 1 9.99999984307e+17 -9.99999984307e+17 0 4 1 0 1 64
1 144.431818182 
0 
dss_wc 1 1 9.99999984307e+17 -9.99999984307e+17 0 4 1 0 1 64
1 239.526764934 
0 
dss_sc2 1 1 9.99999984307e+17 -9.99999984307e+17 0 4 1 0 1 64
1 0 
0 
eOptions 2 2 8 0 0 4 1 264 1 64
1 ""
0 
dz 3 1 14 14 14 2 1 8192 1 64
1 1e-05 
0 
emailaddr 2 2 8 0 0 4 1 0 1 64
1 ""
0 
explist 2 2 8 0 0 2 1 256 1 64
1 "gHMBCAD"
0 
explabel 2 2 8 0 0 2 1 0 1 64
1 "gHMBCAD"
0 
emessage 4 2 4 0 0 2 1 0 1 64
1 "n"
0 
f1SW 2 2 8 0 0 2 1 1 1 64
1 "setsw1(dn,225,-15)"
0 
exppath 2 2 8 0 0 2 1 0 1 64
1 "/home/roger/vnmrsys/exp3/acqfil"
0 
fdffile 2 2 8 0 0 3 1 0 1 64
1 ""
0 
fadflg 4 2 4 0 0 2 1 0 1 64
1 "y"
0 
faculty 2 2 8 0 0 2 1 0 1 64
1 ""
0 
f2SW 2 2 8 0 0 2 1 1 1 64
1 ""
0 
fdfdir 2 2 8 0 0 3 1 0 1 64
1 ""
0 
fb 7 1 6 6 6 2 1 8203 1 64
1 2000 
0 
filename 2 2 8 0 0 2 1 1 1 64
1 ""
0 
file 2 2 6 0 0 2 1 3 1 64
1 "exp"
0 
fidid 2 2 8 0 0 2 1 0 1 64
1 ""
0 
filter 7 1 1000000000 0 1 2 1 2 1 64
1 54.0999984741 
0 
ftproc 1 1 9.99999984307e+17 -9.99999984307e+17 0 3 1 256 1 64
2 1 0 
0 
fpmult 1 1 1000000000 0 0 3 1 0 0 64
1 1 
0 
fn 7 1 524288 64 -2 3 1 1 1 64
1 2048 
0 
fn1 7 1 524288 64 -2 3 1 1 1 64
1 1024 
0 
fpmult1 1 1 1000000000 0 0 3 2 0 0 64
1 0.5 
0 
gf1 1 1 100000 0 0 3 1 1 1 64
1 0.006108500475 
0 
gain 1 1 60 0 2 2 1 0 1 64
1 50 
0 
fzoom 7 1 32767 0 0 4 1 0 1 64
1 0 
0 
gf 1 1 100000 0 0 3 1 1 0 64
1 0.06930398475 
0 
gfs1 1 1 1000 -1000 0.001 3 1 1 0 64
1 0 
0 
gfs 1 1 1000 -1000 0.001 3 1 1 0 64
1 0 
0 
go_Options 2 2 8 0 0 2 1 7 1 64
1 "go"
0 
gtw 3 1 14 14 14 2 1 8192 1 64
1 0.002 
0 
gt7 3 1 14 14 14 2 1 8192 1 64
1 0.001 
0 
gt2 3 1 14 14 14 2 1 8192 1 64
1 0.001 
0 
gswet 3 1 14 14 14 2 1 8192 1 64
1 0.002 
0 
gstab2 3 1 14 14 14 2 1 8192 1 64
1 0.0005 
0 
gstab 3 1 14 14 14 2 1 8192 1 64
1 5e-05 
0 
gstabI 3 1 14 14 14 2 1 8192 1 64
1 0.0005 
0 
gt0 3 1 14 14 14 2 1 8192 1 64
1 0.0016 
0 
gt1 3 1 14 14 14 2 1 8192 1 64
1 0.001 
0 
gt5 3 1 14 14 14 2 1 8192 1 64
1 0.001 
0 
gt4 3 1 14 14 14 2 1 8192 1 64
1 0.001 
0 
gt3 3 1 14 14 14 2 1 8192 1 64
1 0.001 
0 
gt6 3 1 14 14 14 2 1 8192 1 64
1 0.001 
0 
gtD 3 1 14 14 14 2 1 8192 1 64
1 0 
0 
gt8 3 1 14 14 14 2 1 8192 1 64
1 0.001 
0 
gt9 3 1 14 14 14 2 1 8192 1 64
1 0.001 
0 
gtE 3 1 14 14 14 2 1 8192 1 64
1 0.002 
0 
gtI 3 1 14 14 14 2 1 8192 1 64
1 0.001 
0 
gzlvl8 1 1 1000000 -1000000 1 2 1 0 1 64
1 3864 
0 
gzlvl5 1 1 1000000 -1000000 1 2 1 0 1 64
1 2415 
0 
gzlvl2 1 1 1000000 -1000000 1 2 1 0 1 64
1 966 
0 
gzlvl0 1 1 1000000 -1000000 1 2 1 0 1 64
1 4830 
0 
gxppars 2 2 8 0 0 2 1 0 1 64
1 ""
0 
gzlvl1 1 1 1000000 -1000000 1 2 1 0 1 64
1 483 
0 
gzlvl4 1 1 1000000 -1000000 1 2 1 0 1 64
1 1932 
0 
gzlvl3 1 1 1000000 -1000000 1 2 1 0 1 64
1 1449 
0 
gzlvl7 1 1 1000000 -1000000 1 2 1 0 1 64
1 3381 
0 
gzlvl6 1 1 1000000 -1000000 1 2 1 0 1 64
1 2898 
0 
gzlvlw 1 1 9.99999984307e+17 -9.99999984307e+17 0 2 1 0 1 64
1 14354 
0 
gzlvlD 1 1 1000000 -1000000 1 2 1 0 1 64
1 0 
0 
gzlvl9 1 1 1000000 -1000000 1 2 1 0 1 64
1 4347 
0 
gzlvlE 1 1 1000000 -1000000 1 2 1 0 1 64
1 4273 
0 
gzlvlI 1 1 9.99999984307e+17 -9.99999984307e+17 0 2 1 0 1 64
1 800 
0 
ho 1 1 500 -500 0 4 1 1 1 64
1 -50.2678565979 
0 
hdpwr 7 1 49 -16 1 2 1 2 1 64
1 1 
0 
hdof 5 1 7 7 7 2 1 8194 1 64
1 0 
0 
hs 4 2 4 0 0 2 1 0 1 64
1 "nn"
2 "n" "y" 
homo 2 2 8 0 0 2 1 8 1 64
1 "n"
2 "n" "y" 
hsglvl 1 1 1000000 -1000000 1 2 1 0 1 64
1 5796 
0 
insref 1 1 9.99999984307e+17 -9.99999984307e+17 0 4 1 0 0 64
1 1 
0 
imppw4 6 1 100000 0 0.0125 2 1 0 1 64
1 10 
0 
impppm3 1 1 9.99999984307e+17 -9.99999984307e+17 0 2 1 256 1 64
2 0 100 
0 
il 2 2 1 0 0 2 1 0 1 64
1 "n"
2 "y" "n" 
hzmm 1 1 1000000000 -1000000000 0 4 1 11 1 64
1 16.6636740002 
0 
hst 3 1 0.02 0 2.5e-08 2 1 2 1 64
1 0.00800000037998 
0 
ident 2 2 8 0 0 3 1 0 1 64
1 ""
0 
impppm1 1 1 9.99999984307e+17 -9.99999984307e+17 0 2 1 256 1 64
2 0 100 
0 
imphase 7 1 32767 0 0 2 1 0 1 64
1 0 
0 
impppm2 1 1 9.99999984307e+17 -9.99999984307e+17 0 2 1 256 1 64
2 0 100 
0 
imppw2 6 1 100000 0 0.0125 2 1 0 1 64
1 10 
0 
imppw1 6 1 100000 0 0.0125 2 1 0 1 64
1 10 
0 
impppm4 1 1 9.99999984307e+17 -9.99999984307e+17 0 2 1 256 1 64
2 0 100 
0 
imppw3 6 1 100000 0 0.0125 2 1 0 1 64
1 10 
0 
impshp3 2 2 8 0 0 2 1 0 1 64
1 "hard"
0 
imppwr4 1 1 9 9 9 2 1 8192 1 64
1 10 
0 
imppwr2 1 1 9 9 9 2 1 8192 1 64
1 10 
0 
imppwr1 1 1 9 9 9 2 1 8192 1 64
1 10 
0 
imppwr3 1 1 9 9 9 2 1 8192 1 64
1 10 
0 
impshp1 2 2 8 0 0 2 1 0 1 64
1 "hard"
0 
impress 7 1 32767 0 0 2 1 0 1 64
1 0 
0 
impshp2 2 2 8 0 0 2 1 0 1 64
1 "hard"
0 
ins2 1 1 9.99999984307e+17 -9.99999984307e+17 0 4 1 0 1 64
1 1 
0 
in 4 2 1 0 0 2 1 0 1 64
1 "n"
3 "n" "w" "y" 
impshp4 2 2 8 0 0 2 1 0 1 64
1 "hard"
0 
ins 3 1 8190 0 1e-07 4 1 3 1 64
1 100 
0 
ins2ref 1 1 9.99999984307e+17 -9.99999984307e+17 0 4 1 0 1 64
1 1 
0 
jnxh 1 1 9.99999984307e+17 -9.99999984307e+17 0 2 1 0 1 64
1 7 
0 
iswt 1 1 9.99999984307e+17 -9.99999984307e+17 0 2 1 0 1 64
1 0 
0 
invgcal 1 1 1000000 -1000000 1 2 1 0 1 64
1 427 
0 
intstd 2 2 8 0 0 2 1 0 1 64
1 ""
0 
intmod 2 2 8 0 0 4 1 0 1 64
1 "off"
3 "off" "partial" "full" 
investigator 2 2 8 0 0 4 1 0 1 64
1 ""
0 
io 1 1 500 -500 0.1 4 1 1 1 64
1 10 
0 
is 1 1 1000000000 1e-06 0 4 1 3 1 64
1 33.5734901428 
0 
jemult 7 1 32767 0 0 2 1 0 1 64
1 1 
0 
j1min 1 1 9.99999984307e+17 -9.99999984307e+17 0 2 1 0 1 64
1 130 
0 
j1max 1 1 9.99999984307e+17 -9.99999984307e+17 0 2 1 0 1 64
1 165 
0 
j1xh 1 1 9.99999984307e+17 -9.99999984307e+17 0 2 1 0 1 64
1 146 
0 
jnmax 1 1 9.99999984307e+17 -9.99999984307e+17 0 2 1 0 1 64
1 8 
0 
jfilter 4 2 4 0 0 2 1 0 1 64
1 "y"
0 
jnmin 1 1 9.99999984307e+17 -9.99999984307e+17 0 2 1 0 1 64
1 5 
0 
lifrq 1 1 1000000000 -1000000000 0 4 1 0 0 64
1 0 
0 
lb 1 1 100000 -100000 0 3 1 1 0 64
1 1.06103003025 
0 
jscaleU 7 1 32767 0 0 2 1 0 1 64
1 0 
0 
jscaleD 7 1 32767 0 0 2 1 0 1 64
1 0 
0 
layout 2 2 8 0 0 4 1 0 1 64
1 "gHMBCAD"
0 
lcpeak_ 7 1 32767 0 0 2 1 32768 1 64
1 0 
0 
lb1 1 1 100000 -100000 0 3 1 1 0 64
1 0.318309992552 
0 
liamp 1 1 1000000000 0 0 4 1 0 0 64
1 0 
0 
load 2 2 4 0 0 2 1 3 1 64
1 "n"
2 "y" "n" 
llfrq 1 1 1000000000 -1000000000 0 4 1 0 0 64
46 3976.38121374 3966.61363523 3924.61304761 3918.7525005 3915.33384802 3908.98492198 3738.05229796 3594.9572727 2868.24943113 2863.36564188 2859.45861047 2734.43360547 2731.01495299 2676.3165133 2250.45009002 2166.93729371 2161.0767466 2150.33241023 2143.00672634 2010.16765853 1995.02791183 1991.60925935 1899.7940213 1890.51482171 1767.93171134 1764.02467994 1757.6757539 1750.83844894 1744.00114398 1699.07028281 1690.76784107 1684.90729396 1677.09323115 1670.25592618 1663.41862122 1624.34830716 1619.95289683 1613.60397079 1606.27828691 1514.95142778 1507.6257439 1417.27564263 1413.36861122 1409.94995874 1406.04292733 1398.22886452 
0 
llamp 1 1 1000000000 0 0 4 1 0 0 64
46 0.102792106569 0.141246706247 0.0684779435396 0.0702177807689 0.0500719733536 0.047389857471 0.136484608054 0.0948937013745 0.0473350733519 0.052372250706 0.0461876392365 0.0596356205642 0.0494191870093 0.660304069519 0.916423916817 0.0506700575352 0.0555349886417 0.142812222242 0.138623937964 0.0528734177351 0.0704018846154 0.0511041469872 0.0471434593201 0.0500498861074 0.0853106975555 0.0875224471092 0.13196118176 0.087645702064 0.071067199111 0.0503296144307 0.0699041858315 0.101927615702 0.112935639918 0.0698470175266 0.0501806177199 0.0915398821235 0.078379496932 0.10862532258 0.0994928181171 0.46865555644 0.45619764924 0.358811616898 0.309101045132 0.37285554409 0.466305553913 0.203551217914 
0 
lllabel 2 2 8 0 0 3 1 0 1 64
1 ""
0 
locdir 2 2 8 0 0 2 1 0 1 64
1 ""
0 
loc_ 7 1 12 12 12 2 1 8201 0 64
1 0 
0 
lockfreq_ 5 1 160 0 1e-07 2 1 9 1 64
1 76.7707 
0 
p1 6 1 13 13 13 2 1 8194 1 64
1 0 
0 
macro 2 2 6 0 0 4 1 3 1 64
1 ""
0 
lpnupts 7 1 1000000 1 1 3 1 0 1 64
1 64 
0 
lp1 1 1 3600 -3600 0.1 4 1 3 1 64
1 0 
0 
lot 2 2 8 0 0 2 1 0 1 64
1 ""
0 
lockpower_ 1 1 68 0 1 2 1 65552 1 64
1 32 
0 
lockphase_ 1 1 360 0 1 2 1 65552 1 64
1 138 
0 
longlist 2 2 8 0 0 2 1 0 1 64
1 ""
0 
lp 1 1 3600 -3600 0.1 4 1 3 1 64
1 -48.4725950687 
0 
lpext 7 1 1000000 0 1 3 1 0 1 64
1 1 
0 
lpalg 2 2 8 0 0 3 1 0 1 64
1 "lpfft"
0 
lpalg1 2 2 8 0 0 3 1 0 1 64
1 "lpfft"
0 
lpfilt 7 1 32767 1 1 3 1 0 1 64
1 32 
0 
lpext1 7 1 1000000 0 1 3 1 0 1 64
1 200 
0 
lpfilt1 7 1 32767 1 1 3 1 0 1 64
1 4 
0 
lptrace 7 1 32767 0 1 3 1 0 1 64
1 0 
0 
lpopt1 2 2 8 0 0 3 1 0 1 64
1 "f"
0 
lpopt 2 2 8 0 0 3 1 0 1 64
1 "b"
0 
lpnupts1 7 1 1000000 1 1 3 1 0 1 64
1 200 
0 
lpprint1 7 1 63 0 1 3 1 0 1 64
1 0 
0 
lpprint 7 1 63 0 1 3 1 0 1 64
1 0 
0 
lsfrq1 1 1 9.99999984307e+17 -9.99999984307e+17 0 3 1 0 0 64
1 0 
0 
lsfid 7 1 64000 -64000 1 3 1 0 0 64
1 0 
0 
lptrace1 7 1 32767 0 1 3 1 0 1 64
1 0 
0 
lsfrq 1 1 9.99999984307e+17 -9.99999984307e+17 0 3 1 0 0 64
1 0 
0 
lvl 1 1 1000000000 -1000000000 0 4 1 1 1 64
1 0 
0 
ni 7 1 32767 0 0 2 1 0 1 64
1 128 
0 
n1 2 2 6 0 0 4 1 3 1 64
1 ""
0 
modules 2 2 8 0 0 2 1 1 1 64
1 "presat wet gradient quant par2D Dch_adiabatic impress"
0 
math 2 2 1 0 0 3 1 3 1 64
1 "f"
3 "d" "f" "i" 
method 2 2 6 0 0 2 1 3 1 64
1 "z1z2"
0 
mult 1 1 9.99999984307e+17 -9.99999984307e+17 0 2 1 0 1 64
1 2 
0 
nameprefix 2 2 8 0 0 2 1 9 1 64
1 "Problem79_DMSO_500_MHz_NS=4_gHMBCAD"
0 
n3 2 2 6 0 0 4 1 3 1 64
1 "n"
0 
n2 2 2 6 0 0 4 1 3 1 64
1 "n"
0 
name 2 2 8 0 0 3 1 0 1 64
1 ""
0 
newmodules 2 2 8 0 0 2 1 1 1 64
1 ""
0 
obsSW 2 2 8 0 0 2 1 1 1 64
1 "setsw(9.8,2)"
0 
null 3 1 14 14 14 2 1 8192 1 64
1 0.35 
0 
np 7 1 524288 32 2 2 1 11 1 64
1 3900 
0 
notebook 2 2 8 0 0 2 1 0 1 64
1 ""
0 
nt 7 1 1000000000 1 1 2 1 2 1 64
1 4 
0 
nullflg 4 2 4 0 0 2 1 0 1 64
1 "nnp"
0 
numvch 7 1 32767 0 0 2 1 256 1 64
4 4 2 1 0 
0 
osfilt 2 2 8 0 0 2 1 0 1 64
1 ""
5 "a" "A" "b" "B" "" 
oscoef 7 1 49999 3 2 2 1 1 0 64
1 31 
0 
operator_ 2 2 128 0 0 2 1 32772 1 64
1 "roger"
0 
osfb 1 1 100000 0 0 2 1 1 0 64
1 0 
0 
oslsfrq 1 1 9.99999984307e+17 -9.99999984307e+17 0 2 1 1 0 64
1 0 
0 
oversamp 7 1 68 0 1 2 1 9 1 64
1 1 
0 
pipeELB 2 2 8 0 0 3 1 0 1 64
2 "0"
"0"
0 
parlabel 2 2 8 0 0 2 1 5 1 64
1 "gHMBCAD"
0 
page 2 2 8 0 0 2 1 0 1 64
1 ""
0 
pad 3 1 14 14 14 2 1 8194 1 64
1 0.5 
0 
p11console 2 2 8 0 0 2 1 0 1 64
1 ""
0 
paramChanged 1 1 9.99999984307e+17 -9.99999984307e+17 0 2 1 0 1 64
1 0 
0 
phase 7 1 8 0 1 2 1 0 1 64
2 1 2 
0 
parver 2 2 8 0 0 2 1 0 1 64
1 "VnmrJ VERSION 4.2 REVISION A"
0 
parstyle_ 2 2 8 0 0 4 1 0 1 64
1 "ppa"
0 
parversion 1 1 9.99999984307e+17 -9.99999984307e+17 0 2 1 4 1 64
1 5.1 
0 
phfid 1 1 3600 -3600 0.1 3 1 0 0 64
1 0 
0 
phfid1 1 1 3600 -3600 0.1 3 1 0 0 64
1 0 
0 
pipeistIter 2 2 8 0 0 3 1 0 1 64
1 "1024"
0 
pipeQ2 2 2 8 0 0 3 1 0 1 64
2 "0"
"0"
0 
pipeGOFF 2 2 8 0 0 3 1 0 1 64
2 "0"
"0"
0 
pipeGLB 2 2 8 0 0 3 1 0 1 64
2 "4"
"4"
0 
pipeQ1 2 2 8 0 0 3 1 0 1 64
2 "0"
"0"
0 
pipeistCMult 2 2 8 0 0 3 1 0 1 64
1 "0.3"
0 
pipeQ3 2 2 8 0 0 3 1 0 1 64
2 "0"
"0"
0 
plocklist 2 2 8 0 0 2 1 1 1 64
1 ""
0 
pipeistTMult 2 2 8 0 0 3 1 0 1 64
1 "0.7"
0 
pipeistMaxRes 2 2 8 0 0 3 1 0 1 64
1 "1"
0 
pkpick_ 2 2 8 0 0 4 1 0 1 64
1 ""
0 
plt2Darg 2 2 8 0 0 4 1 272 1 64
8 "both"
"20"
"1.3"
"f1"
"f2"
""
""
""
0 
plotoption 2 2 8 0 0 4 1 0 1 64
7 "custompl"
"plot2D(`plt2Darg`)"
"comments"
"params"
"logo"
"header"
"miniplot"
0 
pltmod 2 2 8 0 0 4 1 0 1 64
1 "fixed"
5 "off" "fixed" "full" "variable" "user" 
time_exp 2 2 8 0 0 2 1 0 1 64
1 ""
0 
sampling 2 2 8 0 0 2 1 0 1 64
1 "s"
0 
pwx180ref 2 2 8 0 0 2 1 0 1 64
1 "5mm_HCX_ref200"
0 
pslabel 2 2 8 0 0 2 1 11 1 64
1 "gHMBCAD"
0 
prgd2 3 1 14 14 14 2 1 8192 1 64
1 0.0002 
0 
preacq 6 1 13 13 13 2 1 8192 0 64
1 0 
0 
pp 6 1 13 13 13 2 1 8192 1 64
1 15 
0 
position1 2 2 8 0 0 3 1 0 1 64
1 ""
0 
pmode 2 2 8 0 0 3 1 0 1 64
1 "full"
0 
position2 2 2 8 0 0 3 1 0 1 64
1 ""
0 
pplvl_cf 1 1 9.99999984307e+17 -9.99999984307e+17 0 2 1 0 1 64
1 1 
0 
pplvl 1 1 63 -16 1 2 1 0 1 64
1 55 
0 
prcopt 4 2 4 0 0 2 1 0 1 64
1 "y"
0 
prgcycle 7 1 32767 0 0 2 1 8 1 64
1 2 
0 
presatinit 4 2 4 0 0 2 1 0 1 64
1 "n"
0 
presatgh2 1 1 9.99999984307e+17 -9.99999984307e+17 0 2 1 0 1 64
1 10 
0 
prescan 2 2 8 0 0 3 1 256 1 64
11 "Not done"
"Not done"
"off"
"off"
"off"
"off"
"off"
"on"
"on"
""
""
0 
prgd1 3 1 14 14 14 2 1 8192 1 64
1 0.0002 
0 
probetype_ 2 2 8 0 0 2 1 0 1 64
1 "liquids"
0 
prggzlvl 1 1 1000000 -1000000 1 2 1 0 1 64
1 16666 
0 
prggstab 3 1 14 14 14 2 1 8192 1 64
1 0.0005 
0 
prgflg 4 2 4 0 0 2 1 8 1 64
1 "n"
0 
prggt 3 1 14 14 14 2 1 8192 1 64
1 0.001 
0 
priority 7 1 32768 0 1 2 1 0 1 64
1 5 
0 
prgpw 6 1 13 13 13 2 1 8192 1 64
1 5 
0 
probe_ 2 2 8 0 0 2 1 8 1 64
1 "5mm_HCX"
0 
procdim 7 1 32767 0 0 3 1 0 1 64
1 2 
0 
proc1 2 2 10 0 0 3 2 1 1 64
1 "ft"
0 
proc 2 2 10 0 0 3 1 1 1 64
1 "ft"
0 
proccmd 2 2 8 0 0 3 1 7 1 64
1 "wft2d('noop','noop','noop','noop','noop','noop','1','0','1','0','0','-1','0','1')"
0 
protocols 2 2 8 0 0 3 1 0 1 64
1 ""
0 
processid 1 1 9.99999984307e+17 -9.99999984307e+17 0 3 1 0 1 64
1 0 
0 
psatsolv 2 2 8 0 0 2 1 0 1 64
1 "D2O"
0 
pwwet2 6 1 1000000 0 0.025 2 1 0 1 64
1 0 
0 
pw 6 1 13 13 13 2 1 8194 1 64
1 9.3 
0 
pstof 5 1 1000000000 -1000000000 0 2 1 264 1 64
1 0 
0 
psppm 2 2 8 0 0 2 1 1 1 64
1 ""
0 
pwwet 6 1 1000000 0 0.025 2 1 0 1 64
1 0 
0 
pw90 6 1 13 13 13 2 1 8194 1 64
1 5 
0 
pwwet1 6 1 1000000 0 0.025 2 1 0 1 64
1 0 
0 
pwx180 6 1 1000000 0 0.025 2 1 0 1 64
1 465.4 
0 
pwwet4 6 1 1000000 0 0.025 2 1 0 1 64
1 0 
0 
pwwet3 6 1 1000000 0 0.025 2 1 0 1 64
1 0 
0 
pwx 6 1 13 13 13 2 1 8192 1 64
1 14 
0 
pwx180adR 2 2 8 0 0 2 1 0 1 64
1 "5mm_HCX_ad300R"
0 
pwx180ad 2 2 8 0 0 2 1 0 1 64
1 "5mm_HCX_ad300"
0 
pwx180r 6 1 1000000 0 0.025 2 1 0 1 64
1 2000.2 
0 
reffrq 1 1 9.99999984307e+17 -9.99999984307e+17 0 4 1 0 1 64
1 500.113790893 
0 
r4 1 1 1e+18 -1e+18 0 4 1 1 1 64
1 0 
0 
pwxlvl180 1 1 9 9 9 2 1 8192 1 64
1 58 
0 
pwxS6 6 1 13 13 13 2 1 8192 1 64
1 25 
0 
pwx2lvl 1 1 63 -16 1 2 1 0 1 64
1 55 
0 
pwx2 6 1 13 13 13 2 1 8192 1 64
1 15 
0 
pwx2lvl_cf 1 1 9.99999984307e+17 -9.99999984307e+17 0 2 1 0 1 64
1 1 
0 
pwxlvl 1 1 63 -16 1 2 1 0 1 64
1 63 
0 
pwxlvl_cf 1 1 9.99999984307e+17 -9.99999984307e+17 0 2 1 0 1 64
1 0.7391 
0 
pwxlvlS6 1 1 9 9 9 2 1 8192 1 64
1 60 
0 
pwxlvl180r 1 1 9 9 9 2 1 8192 1 64
1 50 
0 
r2 1 1 1e+18 -1e+18 0 4 1 1 1 64
1 0 
0 
r1 1 1 1e+18 -1e+18 0 4 1 1 1 64
1 0 
0 
r3 1 1 1e+18 -1e+18 0 4 1 1 1 64
1 0 
0 
ref 5 1 1000000000 -1000000000 0 3 4 0 1 64
1 0 
0 
r6 1 1 1e+18 -1e+18 0 4 1 1 1 64
1 0 
0 
r5 1 1 1e+18 -1e+18 0 4 1 1 1 64
1 0 
0 
r7 1 1 1e+18 -1e+18 0 4 1 1 1 64
1 0 
0 
ref_pw90 6 1 13 13 13 2 1 8192 1 64
1 5.475 
0 
ref1 5 1 1000000000 -1000000000 0 3 1 0 1 64
1 0 
0 
ref_pwr 1 1 9.99999984307e+17 -9.99999984307e+17 0 2 1 0 1 64
1 60 
0 
rfl1 1 1 1000000000 -1000000000 0 4 1 1 1 64
1 11246.3297174 
0 
rfband 4 2 4 0 0 2 1 0 1 64
1 "cc"
3 "c" "h" "l" 
refsource1 2 2 8 0 0 4 1 0 1 64
1 "dfrq"
0 
refpos 1 1 9.99999984307e+17 -9.99999984307e+17 0 4 1 0 1 64
1 5.24065148966 
0 
reffrq1 1 1 9.99999984307e+17 -9.99999984307e+17 0 4 1 0 1 64
1 125.753773689 
0 
refpos1 5 1 1000000000 -1000000000 0 3 1 0 1 64
1 62.26397646 
0 
researchgroup 2 2 8 0 0 2 1 0 1 64
1 ""
0 
refstd_ 2 2 8 0 0 2 1 65808 1 64
1 ""
0 
retentiontime_ 2 2 8 0 0 2 1 0 1 64
1 ""
0 
rfl 1 1 1000000000 -1000000000 0 4 1 1 1 64
1 -999.919028281 
0 
rfchnuclei 2 2 8 0 0 2 1 256 1 64
1 ""
0 
rp 1 1 3600 -3600 0.1 4 1 3 1 64
1 -110.05371527 
0 
rof1 6 1 13 13 13 2 1 8194 1 64
1 10 
0 
rfp1 1 1 1000000000 -1000000000 0 4 1 1 1 64
1 14464.1990497 
0 
rfp 1 1 1000000000 -1000000000 0 4 1 1 1 64
1 0 
0 
rof2 6 1 13 13 13 2 1 8194 1 64
1 25 
0 
sample 2 2 8 0 0 2 1 1 1 64
1 "Problems_In_Organic_Structure_Determination"
0 
rp1 1 1 3600 -3600 0.1 4 1 3 1 64
1 0 
0 
sa 7 1 10000000 0 0 3 1 1 0 64
1 1024 
0 
sampleowner 2 2 8 0 0 2 1 0 1 64
1 ""
0 
samplename 2 2 8 0 0 2 1 9 1 64
1 "Problem79_DMSO_500_MHz_NS=4_gHMBCAD"
0 
solvent 2 2 6 0 0 2 1 11 1 64
1 "dmso"
0 
sbs1 1 1 1000 -1000 0.001 3 1 1 0 64
1 0 
0 
saveshapes 2 2 8 0 0 2 1 256 1 64
1 ""
0 
satfrq 5 1 1000000000 -1000000000 0 2 1 0 1 64
1 480.588092473 
0 
sas 7 1 10000000 0 0 3 1 1 0 64
1 0 
0 
sampwt 1 1 9.99999984307e+17 -9.99999984307e+17 0 2 1 0 1 64
1 0 
0 
satdly 3 1 14 14 14 2 1 8192 1 64
1 1 
0 
satpwr 1 1 30 -16 1 2 1 0 1 64
1 0 
0 
satmode 4 2 4 0 0 2 1 0 1 64
1 "n"
0 
saveglobal_ 2 2 8 0 0 3 1 0 1 64
20 "probe"
"lcpeak"
"loc"
"lockpower"
"lockgain"
"lockphase"
"lockfreq"
"z0"
"lkof"
"vloc"
"vrack"
"vzone"
"vproto"
"pkpick"
"parstyle"
"operator"
"studyid"
"systemname"
"probetype"
"refstd"
0 
sbbiflg 4 2 4 0 0 2 1 0 1 64
1 "n"
0 
sb 1 1 1000 -1000 0.001 3 1 0 1 64
1 -0.075 
0 
sb1 1 1 1000 -1000 0.001 3 1 1 0 64
1 0 
0 
sbs 1 1 1000 -1000 0.001 3 1 1 0 64
1 0 
0 
seqfil 2 2 8 0 0 2 1 11 1 64
1 "gHMBCAD"
0 
scoutinfo 2 2 8 0 0 2 1 256 1 64
1 ""
0 
sc2 1 1 3 3 3 4 1 8195 1 64
1 5.28409090909 
0 
sc 1 1 1 1 1 4 1 8195 1 64
1 0 
0 
scans 2 2 8 0 0 3 1 0 1 64
1 ""
0 
segstab 3 1 14 14 14 2 1 8192 1 64
1 0.0005 
0 
sdirtmplt 2 2 8 0 0 2 1 0 1 64
1 "$samplename$_%DATE%_"
0 
segt5 3 1 14 14 14 2 1 8192 1 64
1 0.0005 
0 
shims 2 2 8 0 0 2 1 0 1 64
1 ""
0 
sf1 1 1 9.99999984307e+17 -9.99999984307e+17 0 4 1 0 1 64
1 0 
0 
sf 1 1 8190 0 1e-07 4 1 3 1 64
1 0 
0 
sfrq 1 1 1000000000 0 0 2 1 11 1 64
1 500.1167407 
0 
slpsat 4 2 4 0 0 2 1 0 1 64
1 "n"
0 
slpname 2 2 8 0 0 2 1 256 1 64
1 ""
0 
sn 1 1 1e+18 -1e+18 0 3 1 1 1 64
1 0 
0 
studyid_ 2 2 8 0 0 2 1 0 1 64
1 ""
0 
strtext 7 1 1000000 1 1 3 1 0 1 64
1 1 
0 
srate 7 1 32767 0 1 2 1 1 1 64
1 25 
0 
sp1 1 1 1000000000 -1000000000 0 4 1 3 1 64
1 3256.27887014 
0 
sp 1 1 1000000000 -1000000000 0 4 1 3 1 64
1 1003.72740305 
0 
spin 1 1 39 0 1 2 1 0 0 64
1 0 
0 
ss 7 1 32767 -32768 0 2 1 0 1 64
1 8 
0 
sreffrq 1 1 9.99999984307e+17 -9.99999984307e+17 0 2 1 0 1 64
1 500.113785652 
0 
sspul 4 2 4 0 0 2 1 0 1 64
1 "nnp"
0 
strtpar 2 2 8 0 0 2 1 0 1 64
1 ""
0 
strtlp 7 1 1000000 1 1 3 1 0 1 64
1 2 
0 
strtext1 7 1 1000000 1 1 3 1 0 1 64
1 201 
0 
strtlp1 7 1 1000000 1 1 3 1 0 1 64
1 200 
0 
study 2 2 8 0 0 3 1 0 1 64
1 ""
0 
systemname_ 2 2 8 0 0 2 1 0 1 64
1 "IP-inova500"
0 
svftmplt 2 2 8 0 0 2 1 0 1 64
1 "$pslabel$_"
0 
studystatus 2 2 8 0 0 2 1 0 1 64
1 ""
0 
studyowner 2 2 8 0 0 2 1 0 1 64
1 "roger"
0 
svfopt 4 2 4 0 0 2 1 0 1 64
1 "y"
0 
sw 1 1 5 5 5 2 1 8203 1 64
1 3899.77576289 
0 
sw1 1 1 5000000 1 -1.25e-08 2 1 0 1 64
1 19665.6833825 
0 
th 1 1 1000000000 0 0 4 1 1 1 64
1 2 
0 
temp 1 1 200 -150 0.1 2 1 8 0 64
1 25 
0 
tauC 3 1 8190 -8190 1.25e-08 2 1 0 1 64
1 0 
0 
text_string 2 2 8 0 0 4 1 256 1 64
1 ""
0 
th2d 1 1 1 1e-18 0 4 1 17 1 64
1 0.8 
0 
time_complete 2 2 8 0 0 4 1 0 1 64
1 "20140702T142610"
0 
wetpwr2 1 1 9.99999984307e+17 -9.99999984307e+17 0 2 1 0 1 64
1 0 
0 
vf 1 1 1000000000 0 0 4 1 3 1 64
1 174.310211182 
0 
tof 5 1 7 7 7 2 1 8202 1 64
1 454.5 
0 
tin 2 2 1 0 0 2 1 2 1 64
1 "n"
3 "n" "w" "y" 
time_saved 2 2 8 0 0 4 1 0 1 64
1 "20140702T150431"
0 
time_processed 2 2 8 0 0 3 1 0 1 64
1 "20140702T150356"
0 
time_plotted 2 2 8 0 0 3 1 0 1 64
1 ""
0 
time_run 2 2 8 0 0 2 1 0 1 64
1 "20140702T135847"
0 
time_submitted_local 2 2 8 0 0 2 1 0 1 64
1 "20140702T135847X01PMWedJul"
0 
time_submitted 2 2 8 0 0 2 1 0 1 64
1 "20140702T135847"
0 
time_svfdate 2 2 8 0 0 2 1 0 1 64
1 "20140702T135847"
0 
tnbippwr 1 1 63 -16 1 2 1 0 1 64
1 51 
0 
tn 2 2 4 0 0 2 1 8 1 64
1 "H1"
0 
tlt 1 1 1000000000 -1000000000 0 4 1 1 1 64
1 0 
0 
tnbippw 6 1 1000000 0 0.025 2 1 0 1 64
1 60 
0 
tnref 2 2 8 0 0 4 1 1 1 64
1 "Me4Si, 1% in CDCl3"
0 
tnbipshp 2 2 8 0 0 2 1 0 1 64
1 "bip60us"
0 
tnshapes 2 2 8 0 0 2 1 256 1 64
3 ""
""
""
0 
vch1 2 2 8 0 0 2 1 8 1 64
1 "tn"
0 
trace 2 2 2 0 0 4 1 3 1 64
1 "f2"
2 "f1" "f2" 
tpwr 1 1 17 17 17 2 1 8194 1 64
1 57 
0 
tofh2o 5 1 1000000000 -1000000000 0 2 1 0 1 64
1 0 
0 
tpwr_cf 1 1 9.99999984307e+17 -9.99999984307e+17 0 2 1 0 1 64
1 1 
0 
username 2 2 8 0 0 2 1 0 1 64
1 ""
0 
tunemethod 2 2 8 0 0 2 1 0 1 64
1 ""
0 
userplotter 2 2 8 0 0 4 1 0 1 64
1 ""
0 
vch4 2 2 8 0 0 2 1 8 1 64
1 "dn"
0 
vch3 2 2 8 0 0 2 1 8 1 64
1 "z"
0 
vch2 2 2 8 0 0 2 1 8 1 64
1 "dn"
0 
vch6 2 2 8 0 0 2 1 8 1 64
1 ""
0 
vch5 2 2 8 0 0 2 1 8 1 64
1 ""
0 
vchannelmap 2 2 8 0 0 2 1 256 1 64
4 "0"
"1"
"z"
"1"
0 
vzone_ 7 1 15 1 0 2 1 0 1 64
1 1 
0 
vpfi 1 1 500 -500 0 4 1 0 1 64
1 0 
0 
vo 1 1 500 -500 0 4 1 1 1 64
1 0 
0 
vjdialogarg 2 2 8 0 0 4 1 256 1 64
1 ""
0 
vjdialog 2 2 8 0 0 4 1 256 1 64
1 ""
0 
vloc_ 2 2 8 0 0 2 1 8 1 64
1 "A0"
0 
vp 7 1 500 -500 0.1 4 1 3 1 64
1 0 
0 
volume 1 1 9.99999984307e+17 -9.99999984307e+17 0 2 1 0 1 64
1 0 
0 
vpf 1 1 500 -500 0 4 1 0 1 64
1 0 
0 
vs2d 1 1 1000000000 1e-06 0 4 1 3 1 64
1 93.7690774494 
0 
vrack_ 7 1 5 1 0 2 1 0 1 64
1 1 
0 
vproto_ 2 2 8 0 0 2 1 0 1 64
1 ""
0 
vs 1 1 1000000000 1e-06 0 4 1 3 1 64
1 84.6706447581 
0 
vtc 1 1 255 0 1 2 1 2 1 64
1 25 
0 
vsproj 1 1 1000000000 1e-06 0 4 1 3 1 64
1 4.45071601868 
0 
vtwait 3 1 14 14 14 2 1 8194 1 64
1 300 
0 
wet_cf 1 1 9.99999984307e+17 -9.99999984307e+17 0 2 1 0 1 64
1 1 
0 
wdone 2 2 8 0 0 3 1 0 1 64
1 ""
0 
wc 1 1 2 2 2 4 1 8203 1 64
1 239.526764934 
0 
wbs 2 2 6 0 0 3 1 3 1 64
1 ""
0 
wc2 1 1 4 4 4 4 1 8195 1 64
1 144.431818182 
0 
werr 2 2 6 0 0 3 1 3 1 64
1 ""
0 
wds 2 2 8 0 0 3 1 0 1 64
1 ""
0 
wet 4 2 4 0 0 2 1 0 1 64
1 "n"
0 
wetfrqw 1 1 9.99999984307e+17 -9.99999984307e+17 0 2 1 256 1 64
1 80 
0 
wetfrq 5 1 1000000000 -1000000000 0 2 1 256 0 64
1 0 
0 
wetfly 4 2 4 0 0 2 1 0 1 64
1 "n"
0 
wetfrqs 2 2 8 0 0 2 1 256 1 64
1 "seduce"
0 
wetpwr 1 1 9.99999984307e+17 -9.99999984307e+17 0 2 1 0 1 64
1 0 
0 
wetpeaks 7 1 10 0 1 2 1 0 0 64
1 0 
0 
wetpwr1 1 1 9.99999984307e+17 -9.99999984307e+17 0 2 1 0 1 64
1 0 
0 
xy 7 1 19 19 19 2 1 8192 1 64
1 778 
0 
wp1 1 1 100000 0 0 4 1 3 1 64
1 19627.2738446 
0 
wetshape4 2 2 8 0 0 2 1 0 1 64
1 "wetshp"
0 
wetshape 2 2 8 0 0 2 1 0 1 64
1 "wetshp"
0 
wetpwr4 1 1 9.99999984307e+17 -9.99999984307e+17 0 2 1 0 1 64
1 0 
0 
wetpwr3 1 1 9.99999984307e+17 -9.99999984307e+17 0 2 1 0 1 64
1 0 
0 
wetset 2 2 8 0 0 4 1 0 1 64
1 "set1"
0 
wetshape2 2 2 8 0 0 2 1 0 1 64
1 "wetshp"
0 
wetshape1 2 2 8 0 0 2 1 0 1 64
1 "wetshp"
0 
wetshape3 2 2 8 0 0 2 1 0 1 64
1 "wetshp"
0 
whatemail 2 2 8 0 0 2 1 0 1 64
1 "message"
0 
wf 1 1 8190 0 1e-07 4 1 3 1 64
1 0.50002875 
0 
wexp 2 2 6 0 0 3 1 3 1 64
1 "process"
0 
wf1 1 1 9.99999984307e+17 -9.99999984307e+17 0 4 1 0 1 64
1 0.0260352 
0 
wnt 2 2 6 0 0 3 1 3 1 64
1 ""
0 
whenemail 2 2 8 0 0 2 1 0 1 64
1 "never"
0 
wp 1 1 5000000 0 0 4 1 11 1 64
1 3895.96738812 
0 
wtfile1 2 2 15 0 0 3 2 1 1 64
1 ""
0 
wstart 2 2 8 0 0 3 1 0 1 64
1 ""
0 
wrtp 2 2 8 0 0 3 1 0 1 64
1 ""
0 
wqinit 2 2 8 0 0 4 1 0 1 64
1 ""
0 
wshim 4 2 4 0 0 2 1 1 1 64
1 "n"
15 "e" "f" "g" "n" "s" "0" "1" "2" "3" "4" "5" "6" "7" "8" "9" 
wtfile 2 2 15 0 0 3 1 1 1 64
1 ""
0 
x3 7 1 19 19 19 2 1 8192 1 64
1 -10530 
0 
x1 7 1 19 19 19 2 1 8192 1 64
1 -1572 
0 
wtune 4 2 4 0 0 2 1 0 1 64
1 "n"
10 "s" "t" "e" "v" "i" "n" "1" "2" "3" "4" 
x2y2 7 1 19 19 19 2 1 8192 1 64
1 2448 
0 
x4 7 1 19 19 19 2 1 8192 1 64
1 0 
0 
xdiag 1 1 1e+18 0 0 4 1 17 1 64
1 0 
0 
z3xy 7 1 19 19 19 2 1 8192 1 64
1 0 
0 
z2x3 7 1 19 19 19 2 1 8192 1 64
1 0 
0 
yz2 7 1 19 19 19 2 1 8192 1 64
1 -3712 
0 
y3 7 1 19 19 19 2 1 8192 1 64
1 2497 
0 
xz2 7 1 19 19 19 2 1 8192 1 64
1 -8300 
0 
xz 7 1 19 19 19 2 1 8192 1 64
1 4290 
0 
y1 7 1 19 19 19 2 1 8192 1 64
1 -374 
0 
yz 7 1 19 19 19 2 1 8192 1 64
1 1816 
0 
y4 7 1 19 19 19 2 1 8192 1 64
1 0 
0 
z1c 7 1 19 19 19 2 1 8192 1 64
1 -1044 
0 
z1 7 1 19 19 19 2 1 8192 1 64
1 15175 
0 
z0_ 1 1 19 19 19 2 1 73744 1 64
1 -8392 
0 
z2c 7 1 19 19 19 2 1 8192 1 64
1 196 
0 
z2 7 1 19 19 19 2 1 8192 1 64
1 -497 
0 
z2x2y2 7 1 19 19 19 2 1 8192 1 64
1 -805 
0 
z3c 7 1 19 19 19 2 1 8192 1 64
1 0 
0 
z2y3 7 1 19 19 19 2 1 8192 1 64
1 0 
0 
z2xy 7 1 19 19 19 2 1 8192 1 64
1 3170 
0 
z3 7 1 19 19 19 2 1 8192 1 64
1 4746 
0 
z3x2y2 7 1 19 19 19 2 1 8192 1 64
1 0 
0 
z3x 7 1 19 19 19 2 1 8192 1 64
1 12525 
0 
z3x3 7 1 19 19 19 2 1 8192 1 64
1 0 
0 
z4y 7 1 19 19 19 2 1 8192 1 64
1 485 
0 
z4c 7 1 19 19 19 2 1 8192 1 64
1 0 
0 
z3y3 7 1 19 19 19 2 1 8192 1 64
1 0 
0 
z3y 7 1 19 19 19 2 1 8192 1 64
1 -422 
0 
z4 7 1 19 19 19 2 1 8192 1 64
1 1139 
0 
z4x2y2 7 1 19 19 19 2 1 8192 1 64
1 0 
0 
z4x 7 1 19 19 19 2 1 8192 1 64
1 -1154 
0 
z4xy 7 1 19 19 19 2 1 8192 1 64
1 0 
0 
z8 7 1 19 19 19 2 1 8192 1 64
1 0 
0 
z6 7 1 19 19 19 2 1 8192 1 64
1 2720 
0 
z5x 7 1 19 19 19 2 1 8192 1 64
1 0 
0 
z5 7 1 19 19 19 2 1 8192 1 64
1 3840 
0 
z5y 7 1 19 19 19 2 1 8192 1 64
1 0 
0 
z7 7 1 19 19 19 2 1 8192 1 64
1 0 
0 
zx2y2 7 1 19 19 19 2 1 8192 1 64
1 16760 
0 
zoom 7 1 32767 0 0 4 1 0 1 64
1 0 
0 
zxy 7 1 19 19 19 2 1 8192 1 64
1 11301 
0 
zx3 7 1 19 19 19 2 1 8192 1 64
1 -5540 
0 
zy3 7 1 19 19 19 2 1 8192 1 64
1 -1167 
0 
