r1 1 1 1e+18 -1e+18 0 4 1 1 1 64
1 0 
0 
gfs1 1 1 1000 -1000 0.001 3 1 1 0 64
1 0 
0 
dg1 2 2 1023 0 0 4 1 6 1 64
1 "1:DISPLAY:sp:1,wp:1,vs:0;1:REFERENCE:rfl:1,rfp:1,cr:1,delta:1;1:PHASE:lp:1,rp:1,rp1(ni):1,lp1(ni):1;2:CHART:sc:0,wc:0,hzmm:2,vp:0,axis,pltmod,,th:0,,ho:2,vo:2,,trace:2;3(ni):2D:sp1:1,wp1:1,sc2:0,wc2:0,rfl1:1,rfp1:1;3:FLAGS:aig*,dcg*,dmg*;3:FID:sf:3,wf:3,vf:0;4:INTEGRAL:intmod,is:2,ins:3,io:0,,lvl:3,tlt:3;"
0 
awc1 1 1 1 -1 0.001 3 1 1 0 64
1 0 
0 
actionid 2 2 8 0 0 4 1 0 1 64
1 "null"
0 
PFGflg 4 2 4 0 0 2 1 0 1 64
1 "y"
0 
Gmap 2 2 8 0 0 2 1 1 1 64
1 "lk"
0 
Archive1 2 2 8 0 0 2 1 0 1 64
1 ""
0 
ACQtime 7 1 100000000 0 1 2 1 256 1 64
1 5874 
0 
Archive2 2 2 8 0 0 2 1 0 1 64
1 ""
0 
EDratio 1 1 9.99999984307e+17 -9.99999984307e+17 0 2 1 0 1 64
1 1 
0 
H1reffrq 1 1 9.99999984307e+17 -9.99999984307e+17 0 2 1 0 1 64
1 699.732020113 
0 
Gmapname 2 2 8 0 0 2 1 1 1 64
1 ""
0 
MinSW 2 2 8 0 0 3 1 0 1 64
1 "off"
4 "off" "auto" "manual" "skip" 
IPrunid 2 2 8 0 0 2 1 0 1 64
1 ""
0 
Qinsref 1 1 9.99999984307e+17 -9.99999984307e+17 0 2 1 0 1 64
1 7.4912e-05 
0 
Qins 1 1 9.99999984307e+17 -9.99999984307e+17 0 2 1 0 1 64
1 80 
0 
Qgain 1 1 9.99999984307e+17 -9.99999984307e+17 0 2 1 0 1 64
1 30 
0 
REQexp 2 2 8 0 0 4 1 256 1 64
1 ""
0 
Qmult 1 1 9.99999984307e+17 -9.99999984307e+17 0 2 1 0 1 64
1 0.5 
0 
acqcycles 1 1 9.99999984307e+17 -9.99999984307e+17 0 2 1 0 1 64
1 1 
0 
acqdim 7 1 32767 0 0 2 1 0 1 64
1 1 
0 
ap 2 2 1023 0 0 4 1 6 1 64
1 "1:SAMPLE:date,solvent,file;1:ACQUISITION:sw:1,at:3,np:0,fb:0,bs(bs):0,ss(ss):0,d1:3,d2(d2):6,nt:0,ct:0;1:TRANSMITTER:tn,sfrq:3,tof:1,tpwr:0,pw:3,p1(p1):3;1:DECOUPLER:dn,dof:1,dm,decwave,dpwr:0,dmf:0;2:PRESATURATION:satmode,wet;2:SPECIAL:temp:1,gain:0,spin:0,hst:3,pw90:3,alfa:3;2:FLAGS:il,in,dp,hs;2:PROCESSING:lb(lb):2,sb(sb):3,sbs(sb):3,gf(gf):3,gfs(gf):3,awc(awc):3,lsfid(lsfid):0,lsfrq(lsfrq):1,phfid(phfid):1,fn:0;2:DISPLAY:sp:1,wp:1,rfl:1,rfp:1,rp:1,lp:1;2:PLOT:wc:0,sc:0,vs:0,th:0,aig*,dcg*,dmg*;"
0 
alfa 6 1 8190 0 0.4 2 1 2 1 64
1 10 
0 
adirtmplt 2 2 8 0 0 2 1 0 1 64
1 "/data/d7%YR2%%MO%"
0 
adir2tmplt 2 2 8 0 0 2 1 0 1 64
1 ""
0 
aig 2 2 2 0 0 4 1 1 1 64
1 "nm"
2 "nm" "ai" 
alock 2 2 8 0 0 2 1 0 1 64
1 "n"
5 "a" "n" "s" "u" "y" 
arraydim 7 1 32768 1 1 2 1 5 1 64
1 1 
0 
archivedir 2 2 8 0 0 2 1 0 1 64
1 "/data/d72002"
0 
apptype 2 2 8 0 0 2 1 1 1 64
1 "std1D"
0 
array 2 2 256 0 0 2 1 1 1 64
1 ""
0 
at 1 1 14 14 14 2 1 8203 1 64
1 1.000008 
0 
arrayelemts 1 1 9.99999984307e+17 -9.99999984307e+17 0 2 1 0 1 64
1 0 
0 
awc 1 1 1 -1 0.001 3 1 1 0 64
1 0 
0 
avwdir 2 2 8 0 0 3 1 0 1 64
1 ""
0 
cutoff 1 1 9.99999984307e+17 -9.99999984307e+17 0 4 1 0 0 64
1 200 
0 
cp 2 2 1 0 0 2 1 0 1 64
1 "y"
2 "y" "n" 
celem 1 1 9.99999984307e+17 -9.99999984307e+17 0 2 1 0 1 64
1 0 
0 
bs 7 1 32767 0 1 2 1 0 1 64
1 64 
0 
axisf 4 2 4 0 0 4 1 0 1 64
1 "s"
4 "m" "n" "s" "u" 
axis 4 2 4 0 0 4 1 0 1 64
1 "p"
11 "c" "d" "1" "2" "3" "h" "k" "m" "n" "p" "u" 
bipflg 2 2 8 0 0 2 1 8 1 64
1 "nn"
0 
c13wet 4 2 4 0 0 2 1 0 1 64
1 "n"
0 
composit 4 2 4 0 0 2 1 0 1 64
1 "n"
0 
cf 7 1 32767 0 1 3 1 1 0 64
1 1 
0 
comment 2 2 8 0 0 3 1 0 1 64
1 ""
0 
concentration 1 1 9.99e+17 0 0 2 1 8 1 64
1 0 
0 
compshape 2 2 8 0 0 2 1 0 1 64
1 "hard"
0 
console 2 2 8 0 0 2 1 0 1 64
1 ""
0 
cr 1 1 1000000000 -1000000000 0 4 1 1 1 64
1 9680.2890625 
0 
cpmgpw 6 1 13 13 13 2 1 8192 1 64
1 14 
0 
cpmgflg 4 2 4 0 0 2 1 8 1 64
1 "n"
0 
cpmgbt 3 1 14 14 14 2 1 8202 1 64
1 0.064 
0 
cpmglt 3 1 14 14 14 2 1 8202 1 64
1 0.0004 
0 
cppauseflg 4 2 4 0 0 4 1 0 1 64
1 "n"
0 
crf 1 1 9.99999984307e+17 -9.99999984307e+17 0 4 1 0 1 64
1 0 
0 
cr1 1 1 1000000000 -1000000000 0 4 1 3 1 64
1 0 
0 
ct 7 1 1000000000 0 1 2 1 6 1 64
1 0 
0 
customflag 4 2 4 0 0 4 1 0 1 64
1 "n"
0 
dcrmv 4 2 9.99999984307e+17 -9.99999984307e+17 0 4 1 0 1 64
1 "n"
2 "y" "n" 
dataid 2 2 8 0 0 2 1 0 1 64
1 ""
0 
d2 3 1 14 14 14 2 1 8194 1 64
1 0 
0 
d1 3 1 14 14 14 2 1 8194 1 64
1 5 
0 
dbwwet 1 1 9.99999984307e+17 -9.99999984307e+17 0 2 1 0 1 64
1 5000 
0 
date 2 2 9 0 0 2 1 1 1 64
1 "March 8, 1993"
0 
dcg 2 2 3 0 0 4 1 1 1 64
1 "cdc"
2 "dc" "cdc" 
delta 1 1 5000000 0 0 4 1 1 1 64
1 4033.78442383 
0 
dec3wave 2 2 8 0 0 2 1 0 1 64
1 "g"
0 
ddrtc 6 1 1000 0 0.4 2 1 0 1 64
1 38.4 
0 
ddrpm 2 2 8 0 0 2 1 0 1 64
1 "p"
0 
dec2wave 2 2 8 0 0 2 1 0 1 64
1 "g"
0 
decwave 2 2 8 0 0 2 1 0 1 64
1 "w"
0 
decwavewet 2 2 8 0 0 2 1 0 1 64
1 "w"
0 
dfrq 5 1 1000000000 -1000000000 0 2 1 8 1 64
1 699.7355188 
0 
deltaf 1 1 100 0 0 4 1 0 1 64
1 0 
0 
delta1 1 1 5000000 0 0 4 1 3 1 64
1 0 
0 
density 1 1 9.99999984307e+17 -9.99999984307e+17 0 2 1 0 1 64
1 1 
0 
dg 2 2 1023 0 0 4 1 6 1 64
1 "1:ACQUISITION:seqfil,sw:1,at:3,np:0,fb:0,bs(bs):0,ss(ss):0,d1:3,d2(d2):6,nt:0,ct:0;1:SAMPLE:date,solvent,sample;2:TRANSMITTER:tn,sfrq:3,tof:1,tpwr:0,pw:3,p1(p1):3;2:DECOUPLER:dn,dof:1,dm,decwave,dpwr:0,dmf:0;3:SPECIAL:temp:1,spin:0,gain:0,hst:3,pw90:3,alfa:3;3:PRESATURATION:satmode,wet;3:Details in dgss:;4:PROCESSING:cf(nf):0,lb:2,sb:3,sbs(sb):3,gf:3,gfs(gf):3,awc:3,lsfid:0,lsfrq(lsfrq):1,phfid(phfid):1,fn:0,math(math<>'f'),wtfile(wtfile<>'');4:FLAGS:il,in,dp,hs;"
0 
dpwr 1 1 9 9 9 2 1 8194 1 64
1 42 
0 
dmg1 2 2 8 0 0 4 1 0 1 64
1 ""
4 "" "av1" "ph1" "pwr1" 
dlp 7 1 10 10 10 2 1 8194 0 64
1 10 
0 
dgss 2 2 8 0 0 4 1 6 1 64
1 "1:WET:wet,wetshape,wetpwr,pwwet:3,composit,compshape,gzlvlw,gtw:6,gswet:6,dz:6;2:C13 WET:c13wet,dofwet:1,dpwrwet,dmfwet,decwavewet;4:PRESAT:satmode,satpwr,satdly:3,satfrq:1;"
0 
dglp 2 2 8 0 0 4 1 7 1 64
1 "1(lpfilt):LP:lpalg,lpopt,lpfilt:0,lpnupts:0,strtlp:0,lpext:0,strtext:0;2(lpfilt1):LP 1:lpalg1,lpopt1,lpfilt1:0,lpnupts1:0,strtlp1:0,lpext1:0,strtext1:0;3(lpfilt2):LP 2:lpalg2,lpopt2,lpfilt2:0,lpnupts2:0,strtlp2:0,lpext2:0,strtext2:0;4:LP OUTPUT:lpprint(lpfilt):0,lptrace(lpfilt):0,lpprint1(lpfilt1):0,lptrace1(lpfilt1):0,lpprint2(lpfilt2):0,lptrace2(lpfilt2):0;"
0 
dg2 2 2 8 0 0 4 1 4 1 64
6 "1:1st DECOUPLING:dfrq:3,dn,dpwr:0,dof:1,dm,dmm,dmf:0,dseq,dres:1,homo;"
"2(numrfch>2):2nd DECOUPLING:dfrq2:3,dn2,dpwr2:0,dof2:1,dm2,dmm2,dmf2:0,dseq2,dres2:1,homo2;"
"2(numrfch>3):3rd DECOUPLING:dfrq3:3,dn3,dpwr3:0,dof3:1,dseq3,dres3:1,homo3;"
"3(ni2):3D ACQUISITION:d3:3,sw2:1,ni2:0,phase2:0;"
"3(ni2):3D DISPLAY:rp2:1,lp2:1;"
"4(ni2):3D PROCESSING:lb2:3,sb2:3,sbs2(sb2):3,gf2:3,gfs2(gf2):3,awc2:3,wtfile2,proc2,fn2:0;"
0 
dgs 2 2 1023 0 0 4 1 6 1 64
5 "1:AXIAL SHIMS:z1:0,z2:0,z3:0,z4:0,z5:0,z6:0,z7:0;"
"2:NON AXIAL SHIMS:x1:0,y1:0,xz:0,yz:0,xy:0,x2y2:0,x3:0,y3:0,xz2:0,yz2:0,zxy:0,zx2y2:0,z3x:0,z3y:0;"
"3:NON AXIAL SHIMS:z2x2y2:0,z2xy:0,zx3:0,zy3:0,z4x:0,z4y:0;"
"4:AUTOMATION:method,wshim,load,,spin:0,gain:0,alock,loc:0;"
"4:SPECIAL:temp;"
0 
dhp 1 1 9 9 9 2 1 8192 0 64
1 43 
0 
dgssm 2 2 8 0 0 4 1 6 1 64
1 "1:WET:wet,gzlvlw,gtw:6,gswet:6,dz:6;1:C13 WET:c13wet,dofwet:1,dpwrwet,dmfwet;2:WETshapes:wetshape1,wetshape2,wetshape3,wetshape4;3:WETpowers:wetpwr1,wetpwr2,wetpwr3,wetpwr4;3:WETpulses:pwwet1:3,pwwet2:3,pwwet3:3,pwwet4:3;4:PRESAT:satmode,satpwr,satdly:3,satfrq:1;"
0 
displaymode 4 2 9.99999984307e+17 -9.99999984307e+17 0 4 1 0 1 64
1 "r"
0 
disCmd 2 2 8 0 0 2 1 0 1 64
1 "dps"
0 
dmf 7 1 11 11 11 2 1 8194 1 64
1 15152 
0 
dm 4 2 4 0 0 2 1 0 1 64
1 "yyy"
4 "a" "n" "s" "y" 
dmg 2 2 2 0 0 4 1 3 1 64
1 "ph"
0 
dmfwet 7 1 32767 0 0 2 1 0 1 64
1 5532 
0 
dnbippwr 1 1 63 -16 1 2 1 0 1 64
1 61 
0 
dn3ref 2 2 8 0 0 4 1 1 1 64
1 ""
0 
dn 2 2 4 0 0 2 1 8 1 64
1 "H1"
0 
dmm 4 2 4 0 0 2 1 0 1 64
1 "w"
9 "c" "f" "g" "m" "p" "r" "u" "w" "x" 
dmmwet 2 2 8 0 0 2 1 0 1 64
1 "w"
0 
dn2shapes 2 2 8 0 0 2 1 256 1 64
3 ""
""
""
0 
dn2ref 2 2 8 0 0 4 1 1 1 64
1 ""
0 
dn4ref 2 2 8 0 0 4 1 1 1 64
1 ""
0 
dn3shapes 2 2 8 0 0 2 1 256 1 64
3 ""
""
""
0 
dnbippw 6 1 1000000 0 0.025 2 1 0 1 64
1 30.2 
0 
dof 5 1 8 8 8 2 1 8202 1 64
1 0 
0 
dnref 2 2 8 0 0 4 1 1 1 64
1 "Me4Si, 1% in CDCl3"
0 
dnbipshp 2 2 8 0 0 2 1 0 1 64
1 "hard"
0 
dnshapes 2 2 8 0 0 2 1 256 1 64
3 ""
""
""
0 
dod 3 1 14 14 14 2 1 8194 1 64
1 0.00999999977648 
0 
dotflag 2 2 8 0 0 4 1 0 1 64
1 "n"
2 "n" "y" 
dopwCal 2 2 8 0 0 2 1 256 1 64
3 "n"
"4.0"
"1.0"
0 
dofwet 5 1 1000000000 -1000000000 0 2 1 0 1 64
1 0 
0 
doscout 7 1 10 -10 1 2 1 0 1 64
1 0 
0 
dpatwet 2 2 8 0 0 2 1 0 1 64
1 "waltz16"
0 
dp 2 2 1 0 0 2 1 0 1 64
1 "y"
2 "y" "n" 
dpf_wc2 1 1 9.99999984307e+17 -9.99999984307e+17 0 4 1 0 1 64
1 300 
0 
fb 7 1 6 6 6 2 1 8203 0 64
1 17000 
0 
dz 3 1 14 14 14 2 1 8192 1 64
1 1e-05 
0 
dseqwet 2 2 8 0 0 2 1 0 1 64
1 "waltz16"
0 
dreswet 1 1 9.99999984307e+17 -9.99999984307e+17 0 2 1 0 1 64
1 90 
0 
dreffrq 1 1 9.99999984307e+17 -9.99999984307e+17 0 2 1 0 1 64
1 699.732020113 
0 
dpwrwet 1 1 9.99999984307e+17 -9.99999984307e+17 0 2 1 0 1 64
1 39 
0 
dres 7 1 360 1 0 2 1 0 1 64
1 90 
0 
dseq 2 2 8 0 0 2 1 0 1 64
1 "waltz16"
0 
dss_sc2 1 1 9.99999984307e+17 -9.99999984307e+17 0 4 1 0 1 64
1 0 
0 
dss_sc 1 1 9.99999984307e+17 -9.99999984307e+17 0 4 1 0 1 64
1 0 
0 
dss_wc2 1 1 9.99999984307e+17 -9.99999984307e+17 0 4 1 0 1 64
1 300 
0 
dss_wc 1 1 9.99999984307e+17 -9.99999984307e+17 0 4 1 0 1 64
1 395 
0 
dutyc 1 1 9.99999984307e+17 -9.99999984307e+17 0 2 1 0 1 64
1 0.1 
0 
emessage 4 2 4 0 0 2 1 0 1 64
1 "n"
0 
emailaddr 2 2 8 0 0 4 1 0 1 64
1 ""
0 
eOptions 2 2 8 0 0 4 1 264 1 64
1 ""
0 
emailwhen 2 2 8 0 0 2 1 0 1 64
1 ""
0 
f1SW 2 2 8 0 0 2 1 1 1 64
1 ""
0 
explist 2 2 8 0 0 2 1 256 1 64
1 ""
0 
explabel 2 2 8 0 0 2 1 0 1 64
1 "CARBON"
0 
f2SW 2 2 8 0 0 2 1 1 1 64
1 ""
0 
faculty 2 2 8 0 0 2 1 0 1 64
1 ""
0 
filter 7 1 1000000000 0 1 2 1 2 1 64
1 44.0999984741 
0 
fdffile 2 2 8 0 0 3 1 0 1 64
1 ""
0 
fdfdir 2 2 8 0 0 3 1 0 1 64
1 ""
0 
file 2 2 6 0 0 2 1 3 1 64
1 "exp"
0 
fidid 2 2 8 0 0 2 1 0 1 64
1 ""
0 
filename 2 2 8 0 0 2 1 1 1 64
1 ""
0 
fpmult 1 1 1000000000 0 0 3 1 0 0 64
1 1 
0 
fn 7 1 524288 64 -2 3 1 1 1 64
1 524288 
0 
filtfile 2 2 8 0 0 2 1 0 1 64
1 ""
0 
fn1 7 1 524288 64 -2 3 1 1 1 64
1 1024 
0 
gain 1 1 60 0 2 2 1 0 0 64
1 30 
0 
ftproc 1 1 9.99999984307e+17 -9.99999984307e+17 0 3 1 256 1 64
2 1 0 
0 
fpmult1 1 1 1000000000 0 0 3 2 0 0 64
1 0.5 
0 
fzoom 7 1 32767 0 0 4 1 0 1 64
1 0 
0 
gf1 1 1 100000 0 0 3 1 1 0 64
1 1 
0 
gf 1 1 100000 0 0 3 1 1 0 64
1 0.10000000149 
0 
gfs 1 1 1000 -1000 0.001 3 1 1 0 64
1 0 
0 
n3 2 2 6 0 0 4 1 3 1 64
1 ""
0 
intmod 2 2 8 0 0 4 1 0 1 64
1 "off"
3 "off" "partial" "full" 
gzlvl9 1 1 1000000 -1000000 1 2 1 0 1 64
1 3996 
0 
gtw 3 1 14 14 14 2 1 8192 1 64
1 0.002 
0 
gt5 3 1 14 14 14 2 1 8192 1 64
1 0.001 
0 
gt1 3 1 14 14 14 2 1 8192 1 64
1 0.001 
0 
gswet 3 1 14 14 14 2 1 8192 1 64
1 0.002 
0 
gstab 3 1 14 14 14 2 1 8192 1 64
1 0.0005 
0 
gstab2 3 1 14 14 14 2 1 8192 1 64
1 0.0005 
0 
gt0 3 1 14 14 14 2 1 8192 1 64
1 0.0016 
0 
gt3 3 1 14 14 14 2 1 8192 1 64
1 0.001 
0 
gt2 3 1 14 14 14 2 1 8192 1 64
1 0.001 
0 
gt4 3 1 14 14 14 2 1 8192 1 64
1 0.001 
0 
gt9 3 1 14 14 14 2 1 8192 1 64
1 0.001 
0 
gt7 3 1 14 14 14 2 1 8192 1 64
1 0.001 
0 
gt6 3 1 14 14 14 2 1 8192 1 64
1 0.001 
0 
gt8 3 1 14 14 14 2 1 8192 1 64
1 0.001 
0 
gtD 3 1 14 14 14 2 1 8192 1 64
1 0 
0 
gtE 3 1 14 14 14 2 1 8192 1 64
1 0 
0 
gzlvl3 1 1 1000000 -1000000 1 2 1 0 1 64
1 1332 
0 
gzlvl0 1 1 1000000 -1000000 1 2 1 0 1 64
1 4440 
0 
gxppars 2 2 8 0 0 2 1 0 1 64
1 ""
0 
gzlvl1 1 1 1000000 -1000000 1 2 1 0 1 64
1 444 
0 
gzlvl2 1 1 1000000 -1000000 1 2 1 0 1 64
1 888 
0 
gzlvl7 1 1 1000000 -1000000 1 2 1 0 1 64
1 3108 
0 
gzlvl5 1 1 1000000 -1000000 1 2 1 0 1 64
1 2220 
0 
gzlvl4 1 1 1000000 -1000000 1 2 1 0 1 64
1 1776 
0 
gzlvl6 1 1 1000000 -1000000 1 2 1 0 1 64
1 2664 
0 
gzlvl8 1 1 1000000 -1000000 1 2 1 0 1 64
1 3552 
0 
hsgt 3 1 14 14 14 2 1 8192 1 64
1 0.002 
0 
hdres 1 1 9.99999984307e+17 -9.99999984307e+17 0 2 1 0 1 64
1 9 
0 
hdof 5 1 7 7 7 2 1 8194 1 64
1 0 
0 
gzlvlw 1 1 9.99999984307e+17 -9.99999984307e+17 0 2 1 0 1 64
1 14354 
0 
gzlvlD 1 1 1000000 -1000000 1 2 1 0 1 64
1 0 
0 
gzlvlE 1 1 1000000 -1000000 1 2 1 0 1 64
1 0 
0 
hdfrqw 1 1 9.99999984307e+17 -9.99999984307e+17 0 2 1 256 0 64
1 10 
0 
hdfrqc 5 1 1000000000 -1000000000 0 2 1 256 0 64
1 0 
0 
hdmf 1 1 9.99999984307e+17 -9.99999984307e+17 0 2 1 0 1 64
1 600 
0 
hdpwr 7 1 49 -16 1 2 1 2 1 64
1 1 
0 
hdpsmode 4 2 4 0 0 2 1 0 1 64
1 "n"
0 
hdpwrf 1 1 4095 0 0 2 1 0 1 64
1 4095 
0 
homo 2 2 8 0 0 2 1 8 1 64
1 "n"
2 "n" "y" 
hdwave 2 2 8 0 0 2 1 0 1 64
1 "SEDUCE1"
0 
hdseq 2 2 8 0 0 2 1 0 1 64
1 ""
0 
ho 1 1 500 -500 0 4 1 1 1 64
1 -135.833328247 
0 
hs 4 2 4 0 0 2 1 0 1 64
1 "nn"
2 "n" "y" 
hsglvl 1 1 1000000 -1000000 1 2 1 0 1 64
1 6348 
0 
ins2 1 1 9.99999984307e+17 -9.99999984307e+17 0 4 1 0 1 64
1 1 
0 
il 2 2 1 0 0 2 1 0 1 64
1 "n"
2 "y" "n" 
hzmm 1 1 1000000000 -1000000000 0 4 1 11 1 64
1 0.171908006072 
0 
hst 3 1 0.02 0 2.5e-08 2 1 2 1 64
1 0.00800000037998 
0 
ident 2 2 8 0 0 3 1 0 1 64
1 ""
0 
ins 3 1 8190 0 1e-07 4 1 3 1 64
1 100 
0 
in 4 2 1 0 0 2 1 0 1 64
1 "n"
3 "n" "w" "y" 
insref 1 1 9.99999984307e+17 -9.99999984307e+17 0 4 1 0 0 64
1 1 
0 
ins2ref 1 1 9.99999984307e+17 -9.99999984307e+17 0 4 1 0 1 64
1 1 
0 
lp1 1 1 3600 -3600 0.1 4 1 3 1 64
1 0 
0 
lb 1 1 100000 -100000 0 3 1 1 1 64
1 0.5 
0 
io 1 1 500 -500 0.1 4 1 1 1 64
1 10 
0 
investigator 2 2 8 0 0 4 1 0 1 64
1 ""
0 
intstd 2 2 8 0 0 2 1 0 1 64
1 ""
0 
invgcal 1 1 1000000 -1000000 1 2 1 0 1 64
1 529 
0 
iswt 1 1 9.99999984307e+17 -9.99999984307e+17 0 2 1 0 1 64
1 0 
0 
is 1 1 1000000000 1e-06 0 4 1 3 1 64
1 500 
0 
layout 2 2 8 0 0 4 1 0 1 64
1 "s2pul"
0 
llfrq 1 1 1000000000 -1000000000 0 4 1 0 0 64
1 0 
0 
lifrq 1 1 1000000000 -1000000000 0 4 1 0 0 64
1 0 
0 
lb1 1 1 100000 -100000 0 3 1 1 1 64
1 0.318309992552 
0 
liamp 1 1 1000000000 0 0 4 1 0 0 64
1 0 
0 
llamp 1 1 1000000000 0 0 4 1 0 0 64
1 0 
0 
locdir 2 2 8 0 0 2 1 0 1 64
1 ""
0 
load 2 2 4 0 0 2 1 3 1 64
1 "n"
2 "y" "n" 
lllabel 2 2 8 0 0 3 1 0 1 64
1 ""
0 
lot 2 2 8 0 0 2 1 0 1 64
1 ""
0 
longlist 2 2 8 0 0 2 1 0 1 64
1 ""
0 
lp 1 1 3600 -3600 0.1 4 1 3 1 64
1 0 
0 
lsfrq 1 1 9.99999984307e+17 -9.99999984307e+17 0 3 1 0 0 64
1 0 
0 
lpopt 2 2 8 0 0 3 1 0 1 64
1 "b"
0 
lpfilt 7 1 32767 1 1 3 1 0 1 64
1 32 
0 
lpext 7 1 1000000 0 1 3 1 0 1 64
1 5 
0 
lpalg1 2 2 8 0 0 3 1 0 1 64
1 "lpfft"
0 
lpalg 2 2 8 0 0 3 1 0 1 64
1 "lpfft"
0 
lpext1 7 1 1000000 0 1 3 1 0 1 64
1 1 
0 
lpnupts 7 1 1000000 1 1 3 1 0 1 64
1 256 
0 
lpfilt1 7 1 32767 1 1 3 1 0 1 64
1 32 
0 
lpnupts1 7 1 1000000 1 1 3 1 0 1 64
1 64 
0 
lptrace 7 1 32767 0 1 3 1 0 1 64
1 0 
0 
lpprint 7 1 63 0 1 3 1 0 1 64
1 0 
0 
lpopt1 2 2 8 0 0 3 1 0 1 64
1 "b"
0 
lpprint1 7 1 63 0 1 3 1 0 1 64
1 0 
0 
lsfid 7 1 64000 -64000 1 3 1 0 0 64
1 0 
0 
lptrace1 7 1 32767 0 1 3 1 0 1 64
1 0 
0 
math 2 2 1 0 0 3 1 3 1 64
1 "f"
3 "d" "f" "i" 
lvl 1 1 1000000000 -1000000000 0 4 1 1 1 64
1 0 
0 
lsfrq1 1 1 9.99999984307e+17 -9.99999984307e+17 0 3 1 0 0 64
1 0 
0 
macro 2 2 6 0 0 4 1 3 1 64
1 ""
0 
mass 1 1 9.99999984307e+17 0 0 2 1 8 1 64
1 0 
0 
modules 2 2 8 0 0 2 1 1 1 64
1 "presat wet gradient quant cpmg"
0 
mfslp 4 2 4 0 0 2 1 0 1 64
1 "n"
0 
method 2 2 6 0 0 2 1 3 1 64
1 "z1z2"
0 
n1 2 2 6 0 0 4 1 3 1 64
1 "MinSW bs d1 dm nt obsSW werr sn wbs "
0 
molecularmass 1 1 9.99999984307e+17 0 0 2 1 8 1 64
1 0 
0 
n2 2 2 6 0 0 4 1 3 1 64
1 ""
0 
pp 6 1 8190 0 1e-07 2 1 2 1 64
1 8.45 
0 
parversion 1 1 9.99999984307e+17 -9.99999984307e+17 0 2 1 4 1 64
1 5.1 
0 
nt 7 1 1000000000 1 1 2 1 2 1 64
1 908 
0 
notebook 2 2 8 0 0 2 1 0 1 64
1 ""
0 
nameprefix 2 2 8 0 0 2 1 9 1 64
1 "service"
0 
name 2 2 8 0 0 3 1 0 1 64
1 ""
0 
newmodules 2 2 8 0 0 2 1 1 1 64
1 ""
0 
np 7 1 524288 32 2 2 1 11 1 64
1 83334 
0 
p1 6 1 13 13 13 2 1 8194 1 64
1 0 
0 
osfb 1 1 100000 0 0 2 1 1 0 64
1 0 
0 
operator_ 2 2 8 0 0 2 1 0 1 64
1 "service"
0 
obsSW 2 2 8 0 0 2 1 1 1 64
1 "setsw(225,-9)"
0 
oscoef 7 1 49999 3 2 2 1 1 0 64
1 31 
0 
oslsfrq 1 1 9.99999984307e+17 -9.99999984307e+17 0 2 1 1 0 64
1 0 
0 
osfilt 2 2 8 0 0 2 1 0 1 64
1 ""
5 "a" "A" "b" "B" "" 
oversamp 7 1 68 0 1 2 1 9 1 64
1 12 
0 
page 2 2 8 0 0 2 1 0 1 64
1 ""
0 
pad 3 1 14 14 14 2 1 8194 1 64
1 0.5 
0 
parlabel 2 2 8 0 0 2 1 5 1 64
1 "CARBON"
0 
parver 2 2 8 0 0 2 1 0 1 64
1 "VnmrJ VERSION 4.2 REVISION A"
0 
pmode 2 2 8 0 0 3 1 0 1 64
1 "partial"
0 
plocklist 2 2 8 0 0 2 1 1 1 64
1 " plocklist apptype modules wrtp parlabel REQexp ACQtime"
0 
phfid1 1 1 3600 -3600 0.1 3 1 0 0 64
1 0 
0 
phfid 1 1 3600 -3600 0.1 3 1 0 0 64
1 0 
0 
pltmod 2 2 8 0 0 4 1 0 1 64
1 "fixed"
5 "off" "fixed" "full" "variable" "user" 
plotoption 2 2 8 0 0 4 1 0 1 64
7 "pl"
"axis"
"comments"
"params"
"logo"
"header"
"miniplot"
0 
pltopt 4 2 4 0 0 2 1 0 1 64
1 "y"
0 
position2 2 2 8 0 0 3 1 0 1 64
1 ""
0 
position1 2 2 8 0 0 3 1 0 1 64
1 ""
0 
proc 2 2 10 0 0 3 1 1 1 64
1 "lp"
0 
prescan 2 2 8 0 0 3 1 256 1 64
11 "Not done"
"Not done"
"off"
"off"
"off"
"off"
"off"
"on"
"on"
""
""
0 
preacq 6 1 13 13 13 2 1 8192 0 64
1 0 
0 
pplvl_cf 1 1 9.99999984307e+17 -9.99999984307e+17 0 2 1 0 1 64
1 1 
0 
pplvl 1 1 63 -16 1 2 1 0 1 64
1 53 
0 
prcopt 4 2 4 0 0 2 1 0 1 64
1 "y"
0 
presatgh2 1 1 9.99999984307e+17 -9.99999984307e+17 0 2 1 0 1 64
1 10 
0 
presatinit 4 2 4 0 0 2 1 0 1 64
1 "n"
0 
prgflg 4 2 4 0 0 2 1 8 1 64
1 "n"
0 
prgd1 3 1 14 14 14 2 1 8192 1 64
1 0.0002 
0 
prgcycle 7 1 32767 0 0 2 1 8 1 64
1 2 
0 
prgd2 3 1 14 14 14 2 1 8192 1 64
1 0.0002 
0 
prggt 3 1 14 14 14 2 1 8192 1 64
1 0.001 
0 
prggstab 3 1 14 14 14 2 1 8192 1 64
1 0.0005 
0 
prgpw 6 1 13 13 13 2 1 8192 1 64
1 13.125 
0 
prggzlvl 1 1 1000000 -1000000 1 2 1 0 1 64
1 20634 
0 
priority 7 1 32768 0 1 2 1 0 1 64
1 5 
0 
pw90 6 1 13 13 13 2 1 8194 1 64
1 13.125 
0 
protocols 2 2 8 0 0 3 1 0 1 64
1 ""
0 
procdim 7 1 32767 0 0 3 1 0 1 64
1 0 
0 
proc1 2 2 10 0 0 3 2 1 1 64
1 "ft"
0 
processid 1 1 9.99999984307e+17 -9.99999984307e+17 0 2 1 0 1 64
1 0 
0 
pslabel 2 2 8 0 0 2 1 11 1 64
1 "CARBON"
0 
psatsolv 2 2 8 0 0 2 1 0 1 64
1 "D2O"
0 
pstof 5 1 1000000000 -1000000000 0 2 1 264 1 64
1 0 
0 
psppm 2 2 8 0 0 2 1 1 1 64
1 ""
0 
pw 6 1 13 13 13 2 1 8194 1 64
1 6.5625 
0 
pwx 6 1 13 13 13 2 1 8192 1 64
1 15 
0 
pwwet1 6 1 1000000 0 0.025 2 1 0 1 64
1 0 
0 
pwwet 6 1 1000000 0 0.025 2 1 0 1 64
1 0 
0 
pwwet3 6 1 1000000 0 0.025 2 1 0 1 64
1 0 
0 
pwwet2 6 1 1000000 0 0.025 2 1 0 1 64
1 0 
0 
pwwet4 6 1 1000000 0 0.025 2 1 0 1 64
1 0 
0 
pwxlvl 1 1 9 9 9 2 1 8192 1 64
1 55 
0 
pwx2lvl 1 1 63 -16 1 2 1 0 1 64
1 55 
0 
pwx2 6 1 13 13 13 2 1 8192 1 64
1 15 
0 
pwx2lvl_cf 1 1 9.99999984307e+17 -9.99999984307e+17 0 2 1 0 1 64
1 1 
0 
pwxlvl_cf 1 1 9.99999984307e+17 -9.99999984307e+17 0 2 1 0 1 64
1 1 
0 
werr 2 2 6 0 0 3 1 3 1 64
1 ""
0 
spin 1 1 39 0 1 2 1 0 1 64
1 0 
0 
rof2 6 1 13 13 13 2 1 8194 1 64
1 25.025 
0 
reffrq 1 1 9.99999984307e+17 -9.99999984307e+17 0 4 1 0 1 64
1 175.947756404 
0 
r6 1 1 1e+18 -1e+18 0 4 1 1 1 64
1 0 
0 
r4 1 1 1e+18 -1e+18 0 4 1 1 1 64
1 0 
0 
r2 1 1 1e+18 -1e+18 0 4 1 1 1 64
1 0 
0 
r3 1 1 1e+18 -1e+18 0 4 1 1 1 64
1 0 
0 
r5 1 1 1e+18 -1e+18 0 4 1 1 1 64
1 0 
0 
ref 5 1 1000000000 -1000000000 0 3 4 0 1 64
1 0 
0 
r7 1 1 1e+18 -1e+18 0 4 1 1 1 64
1 0 
0 
ref_pw90 6 1 13 13 13 2 1 8192 1 64
1 5.475 
0 
ref1 5 1 1000000000 -1000000000 0 3 1 0 1 64
1 0 
0 
ref_pwr 1 1 9.99999984307e+17 -9.99999984307e+17 0 2 1 0 1 64
1 60 
0 
rfl 1 1 1000000000 -1000000000 0 4 1 1 1 64
1 1830.93709564 
0 
refpos 1 1 9.99999984307e+17 -9.99999984307e+17 0 4 1 0 1 64
1 0 
0 
reffrq1 1 1 9.99999984307e+17 -9.99999984307e+17 0 4 1 0 1 64
1 699.731368678 
0 
retentiontime_ 2 2 8 0 0 2 1 0 1 64
1 ""
0 
researchgroup 2 2 8 0 0 2 1 0 1 64
1 ""
0 
rfband 4 2 4 0 0 2 1 0 1 64
1 "cc"
3 "c" "h" "l" 
rfp 1 1 1000000000 -1000000000 0 4 1 1 1 64
1 0 
0 
rfl1 1 1 1000000000 -1000000000 0 4 1 1 1 64
1 0 
0 
rfp1 1 1 1000000000 -1000000000 0 4 1 1 1 64
1 0 
0 
rof1 6 1 13 13 13 2 1 8194 1 64
1 39.9999961853 
0 
sbs1 1 1 1000 -1000 0.001 3 1 1 0 64
1 0 
0 
satfrq 5 1 1000000000 -1000000000 0 2 1 0 1 64
1 2327.3 
0 
samplename 2 2 8 0 0 2 1 9 1 64
1 "service"
0 
rp1 1 1 3600 -3600 0.1 4 1 3 1 64
1 0 
0 
rp 1 1 3600 -3600 0.1 4 1 3 1 64
1 150.989532471 
0 
sample 2 2 8 0 0 2 1 1 1 64
1 "Feb14154743"
0 
sa 7 1 10000000 0 0 3 1 1 0 64
1 1024 
0 
sampwt 1 1 9.99999984307e+17 -9.99999984307e+17 0 2 1 0 1 64
1 0 
0 
sampleowner 2 2 8 0 0 2 1 0 1 64
1 ""
0 
samplevolume 1 1 9.99999984307e+17 0 0 2 1 8 1 64
1 600 
0 
satdly 3 1 14 14 14 2 1 8192 1 64
1 2.5 
0 
sas 7 1 10000000 0 0 3 1 1 0 64
1 0 
0 
sb 1 1 1000 -1000 0.001 3 1 0 0 64
1 0 
0 
satpwr 1 1 30 -16 1 2 1 0 1 64
1 0 
0 
satmode 4 2 4 0 0 2 1 0 1 64
1 "n"
0 
saveshapes 2 2 8 0 0 2 1 256 1 64
1 ""
0 
sbbiflg 4 2 4 0 0 2 1 0 1 64
1 "n"
0 
sb1 1 1 1000 -1000 0.001 3 1 1 0 64
1 0 
0 
sbs 1 1 1000 -1000 0.001 3 1 1 0 64
1 0 
0 
sf 1 1 8190 0 1e-07 4 1 3 1 64
1 0 
0 
scans 2 2 8 0 0 3 1 0 1 64
1 ""
0 
sc2 1 1 3 3 3 4 1 8195 1 64
1 0 
0 
sc 1 1 1 1 1 4 1 8195 1 64
1 0 
0 
segt5 3 1 14 14 14 2 1 8192 1 64
1 0.0005 
0 
sdirtmplt 2 2 8 0 0 2 1 0 1 64
1 "$submitted$%R0%"
0 
scoutinfo 2 2 8 0 0 2 1 256 1 64
1 ""
0 
segstab 3 1 14 14 14 2 1 8192 1 64
1 0.0005 
0 
seqfil 2 2 8 0 0 2 1 11 1 64
1 "s2pul"
0 
sn 1 1 1e+18 -1e+18 0 3 1 1 1 64
1 100 
0 
sfrq 1 1 1000000000 0 0 2 1 11 1 64
1 175.9667588 
0 
sf1 1 1 9.99999984307e+17 -9.99999984307e+17 0 4 1 0 1 64
1 0 
0 
slpname 2 2 8 0 0 2 1 256 1 64
1 ""
0 
shims 2 2 8 0 0 2 1 0 1 64
1 ""
0 
slpsat 4 2 4 0 0 2 1 0 1 64
1 "n"
0 
sp 1 1 1000000000 -1000000000 0 4 1 3 1 64
1 -1000.27552938 
0 
solvent 2 2 6 0 0 2 1 11 1 64
1 "cdcl3"
0 
sp1 1 1 1000000000 -1000000000 0 4 1 3 1 64
1 649.999938965 
0 
tof 5 1 7 7 7 2 1 8202 1 64
1 2327.3 
0 
time_exp 2 2 8 0 0 2 1 0 1 64
1 ""
0 
studystatus 2 2 8 0 0 2 1 0 1 64
1 ""
0 
strtext 7 1 1000000 1 1 3 1 0 1 64
1 5 
0 
ss 7 1 32767 -32768 0 2 1 0 1 64
1 0 
0 
srate 7 1 32767 0 1 2 1 1 1 64
1 25 
0 
sreffrq 1 1 9.99999984307e+17 -9.99999984307e+17 0 2 1 0 1 64
1 175.947756404 
0 
sspul 4 2 4 0 0 2 1 0 1 64
1 "n"
0 
strtpar 2 2 8 0 0 2 1 0 1 64
1 ""
0 
strtlp 7 1 1000000 1 1 3 1 0 1 64
1 5 
0 
strtext1 7 1 1000000 1 1 3 1 0 1 64
1 1 
0 
strtlp1 7 1 1000000 1 1 3 1 0 1 64
1 2 
0 
study 2 2 8 0 0 3 1 0 1 64
1 ""
0 
studyowner 2 2 8 0 0 2 1 0 1 64
1 "service"
0 
t2 3 1 14 14 14 2 1 8192 1 64
1 0 
0 
sw 1 1 5 5 5 2 1 8203 1 64
1 41666.6666667 
0 
svfopt 4 2 4 0 0 2 1 0 1 64
1 "y"
0 
submitted 2 2 8 0 0 2 1 0 1 64
1 "Feb14154743"
0 
svftmplt 2 2 8 0 0 2 1 0 1 64
1 "$pslabel$_"
0 
t1 3 1 14 14 14 2 1 8192 1 64
1 0 
0 
text_string 2 2 8 0 0 4 1 256 1 64
1 "NMR:EH: 2-ethyl-1-indanone"
0 
temp 1 1 200 -150 0.1 2 1 8 1 64
1 25 
0 
t3 3 1 14 14 14 2 1 8192 1 64
1 0 
0 
tempFTS 1 1 200 -150 0.1 2 1 1 1 64
1 25 
0 
th 1 1 1000000000 0 0 4 1 1 1 64
1 68.2866668701 
0 
time_complete 2 2 8 0 0 4 1 0 1 64
1 ""
0 
tin 2 2 1 0 0 2 1 2 1 64
1 "n"
3 "n" "w" "y" 
time_saved 2 2 8 0 0 4 1 0 1 64
1 "20200215T051434"
0 
time_processed 2 2 8 0 0 3 1 0 1 64
1 ""
0 
time_plotted 2 2 8 0 0 3 1 0 1 64
1 ""
0 
time_run 2 2 8 0 0 2 1 0 1 64
1 ""
0 
time_submitted 2 2 8 0 0 2 1 0 1 64
1 ""
0 
tnbippwr 1 1 63 -16 1 2 1 0 1 64
1 55 
0 
tn 2 2 4 0 0 2 1 8 1 64
1 "C13"
0 
tlt 1 1 1000000000 -1000000000 0 4 1 1 1 64
1 0 
0 
tnbippw 6 1 1000000 0 0.025 2 1 0 1 64
1 125 
0 
tnref 2 2 8 0 0 4 1 1 1 64
1 "Me4Si, 1% in CDCl3"
0 
tnbipshp 2 2 8 0 0 2 1 0 1 64
1 "bip125us"
0 
tnshapes 2 2 8 0 0 2 1 256 1 64
3 ""
""
""
0 
vp 7 1 500 -500 0.1 4 1 3 1 64
1 0 
0 
user 2 2 9 0 0 2 1 1 1 64
1 " 1-14-87"
0 
trace 2 2 2 0 0 4 1 3 1 64
1 "f1"
2 "f1" "f2" 
tpwr 1 1 17 17 17 2 1 8194 1 64
1 56 
0 
tofh2o 5 1 1000000000 -1000000000 0 2 1 0 1 64
1 0 
0 
tpwr_cf 1 1 9.99999984307e+17 -9.99999984307e+17 0 2 1 0 1 64
1 1 
0 
tunemethod 2 2 8 0 0 2 1 0 1 64
1 "lohi-fine"
0 
vjdialog 2 2 8 0 0 4 1 256 1 64
1 ""
0 
vf 1 1 1000000000 0 0 4 1 3 1 64
1 1442.5345459 
0 
userplotter 2 2 8 0 0 4 1 0 1 64
1 "HP4015pl"
0 
vo 1 1 500 -500 0 4 1 1 1 64
1 0 
0 
vjdialogarg 2 2 8 0 0 4 1 256 1 64
1 ""
0 
volume 1 1 9.99999984307e+17 -9.99999984307e+17 0 2 1 0 1 64
1 0 
0 
vtc 1 1 255 0 1 2 1 2 1 64
1 25 
0 
vpfi 1 1 500 -500 0 4 1 0 1 64
1 0 
0 
vpf 1 1 500 -500 0 4 1 0 1 64
1 0 
0 
vs2d 1 1 1000000000 1e-06 0 4 1 3 1 64
1 200 
0 
vs 1 1 1000000000 1e-06 0 4 1 3 1 64
1 200 
0 
vsproj 1 1 1000000000 1e-06 0 4 1 3 1 64
1 200 
0 
wc 1 1 2 2 2 4 1 8203 1 64
1 268 
0 
wbs 2 2 6 0 0 3 1 3 1 64
1 ""
0 
vtwait 3 1 14 14 14 2 1 8194 1 64
1 300 
0 
wdone 2 2 8 0 0 3 1 0 1 64
1 ""
0 
wc2 1 1 4 4 4 4 1 8195 1 64
1 149 
0 
wds 2 2 8 0 0 3 1 0 1 64
1 ""
0 
y1 7 1 19 19 19 2 1 8192 1 64
1 6395 
0 
wp1 1 1 100000 0 0 4 1 3 1 64
1 62.5000114441 
0 
wetshape 2 2 8 0 0 2 1 0 1 64
1 "wetshp"
0 
wetfrqw 1 1 9.99999984307e+17 -9.99999984307e+17 0 2 1 256 1 64
1 80 
0 
wetfrq 5 1 1000000000 -1000000000 0 2 1 256 0 64
1 0 
0 
wet_cf 1 1 9.99999984307e+17 -9.99999984307e+17 0 2 1 0 1 64
1 1 
0 
wet 4 2 4 0 0 2 1 0 1 64
1 "n"
0 
wetfly 4 2 4 0 0 2 1 0 1 64
1 "n"
0 
wetfrqs 2 2 8 0 0 2 1 256 1 64
1 "seduce"
0 
wetpwr2 1 1 9.99999984307e+17 -9.99999984307e+17 0 2 1 0 1 64
1 0 
0 
wetpwr 1 1 9.99999984307e+17 -9.99999984307e+17 0 2 1 0 1 64
1 0 
0 
wetpeaks 7 1 10 0 1 2 1 0 0 64
1 0 
0 
wetpwr1 1 1 9.99999984307e+17 -9.99999984307e+17 0 2 1 0 1 64
1 0 
0 
wetpwr4 1 1 9.99999984307e+17 -9.99999984307e+17 0 2 1 0 1 64
1 0 
0 
wetpwr3 1 1 9.99999984307e+17 -9.99999984307e+17 0 2 1 0 1 64
1 0 
0 
wetset 2 2 8 0 0 4 1 0 1 64
1 "set1"
0 
wf1 1 1 9.99999984307e+17 -9.99999984307e+17 0 4 1 0 1 64
1 1.30048000813 
0 
wetshape3 2 2 8 0 0 2 1 0 1 64
1 "wetshp"
0 
wetshape2 2 2 8 0 0 2 1 0 1 64
1 "wetshp"
0 
wetshape1 2 2 8 0 0 2 1 0 1 64
1 "wetshp"
0 
wexp 2 2 6 0 0 3 1 3 1 64
1 "chempackQ"
0 
wetshape4 2 2 8 0 0 2 1 0 1 64
1 "wetshp"
0 
wf 1 1 8190 0 1e-07 4 1 3 1 64
1 0.639999985695 
0 
wnt 2 2 6 0 0 3 1 3 1 64
1 ""
0 
whatemail 2 2 8 0 0 2 1 0 1 64
1 "message"
0 
whenemail 2 2 8 0 0 2 1 0 1 64
1 "never"
0 
wp 1 1 5000000 0 0 4 1 11 1 64
1 19999.9128069 
0 
x3 7 1 19 19 19 2 1 8192 1 64
1 -2078 
0 
wtfile1 2 2 15 0 0 3 2 1 1 64
1 ""
0 
wstart 2 2 8 0 0 3 1 0 1 64
1 ""
0 
wrtp 2 2 8 0 0 3 1 0 1 64
1 ""
0 
wqinit 2 2 8 0 0 4 1 0 1 64
1 ""
0 
wshim 4 2 4 0 0 2 1 1 1 64
1 "n"
15 "e" "f" "g" "n" "s" "0" "1" "2" "3" "4" "5" "6" "7" "8" "9" 
wtfile 2 2 15 0 0 3 1 1 1 64
1 ""
0 
x1 7 1 19 19 19 2 1 8192 1 64
1 -6474 
0 
wtune 4 2 4 0 0 2 1 0 1 64
1 "st12"
10 "s" "t" "e" "v" "i" "n" "1" "2" "3" "4" 
x2y2 7 1 19 19 19 2 1 8192 1 64
1 -20487 
0 
xz 7 1 19 19 19 2 1 8192 1 64
1 -6726 
0 
xy 7 1 19 19 19 2 1 8192 1 64
1 3492 
0 
x4 7 1 19 19 19 2 1 8192 1 64
1 0 
0 
xz2 7 1 19 19 19 2 1 8192 1 64
1 -1747 
0 
z4 7 1 19 19 19 2 1 8192 1 64
1 -8937 
0 
z2c 7 1 19 19 19 2 1 8192 1 64
1 196 
0 
yz2 7 1 19 19 19 2 1 8192 1 64
1 -1948 
0 
y4 7 1 19 19 19 2 1 8192 1 64
1 0 
0 
y3 7 1 19 19 19 2 1 8192 1 64
1 -366 
0 
yz 7 1 19 19 19 2 1 8192 1 64
1 3197 
0 
z1c 7 1 19 19 19 2 1 8192 1 64
1 -1044 
0 
z1 7 1 19 19 19 2 1 8192 1 64
1 -7097 
0 
z2 7 1 19 19 19 2 1 8192 1 64
1 -4091 
0 
z3c 7 1 19 19 19 2 1 8192 1 64
1 0 
0 
z2xy 7 1 19 19 19 2 1 8192 1 64
1 -2142 
0 
z2x2y2 7 1 19 19 19 2 1 8192 1 64
1 6284 
0 
z2x3 7 1 19 19 19 2 1 8192 1 64
1 0 
0 
z3 7 1 19 19 19 2 1 8192 1 64
1 -245 
0 
z2y3 7 1 19 19 19 2 1 8192 1 64
1 0 
0 
z3x3 7 1 19 19 19 2 1 8192 1 64
1 0 
0 
z3x2y2 7 1 19 19 19 2 1 8192 1 64
1 0 
0 
z3x 7 1 19 19 19 2 1 8192 1 64
1 2808 
0 
z3y 7 1 19 19 19 2 1 8192 1 64
1 3278 
0 
z3xy 7 1 19 19 19 2 1 8192 1 64
1 0 
0 
z3y3 7 1 19 19 19 2 1 8192 1 64
1 0 
0 
z7 7 1 19 19 19 2 1 8192 1 64
1 685 
0 
z4y 7 1 19 19 19 2 1 8192 1 64
1 6400 
0 
z4x 7 1 19 19 19 2 1 8192 1 64
1 4847 
0 
z4c 7 1 19 19 19 2 1 8192 1 64
1 0 
0 
z4x2y2 7 1 19 19 19 2 1 8192 1 64
1 0 
0 
z4xy 7 1 19 19 19 2 1 8192 1 64
1 0 
0 
z5x 7 1 19 19 19 2 1 8192 1 64
1 0 
0 
z5 7 1 19 19 19 2 1 8192 1 64
1 -2427 
0 
z6 7 1 19 19 19 2 1 8192 1 64
1 -5125 
0 
z5y 7 1 19 19 19 2 1 8192 1 64
1 0 
0 
zx2y2 7 1 19 19 19 2 1 8192 1 64
1 -2764 
0 
z8 7 1 19 19 19 2 1 8192 1 64
1 0 
0 
zoom 7 1 32767 0 0 4 1 0 1 64
1 0 
0 
zxy 7 1 19 19 19 2 1 8192 1 64
1 -1953 
0 
zx3 7 1 19 19 19 2 1 8192 1 64
1 2491 
0 
zy3 7 1 19 19 19 2 1 8192 1 64
1 2434 
0 
