ftproc 1 1 9.99999984307e+17 -9.99999984307e+17 0 3 1 256 1 64
2 1 3 
0 
delta1 1 1 5000000 0 0 4 1 3 1 64
1 0.416631400835 
0 
axisf 4 2 4 0 0 4 1 0 1 64
1 "s"
4 "m" "n" "s" "u" 
alfa 6 1 8190 0 0.4 2 1 2 1 64
1 10 
0 
Qmult 1 1 9.99999984307e+17 -9.99999984307e+17 0 2 1 0 1 64
1 0.5 
0 
MinSW 2 2 8 0 0 3 1 0 1 64
1 "auto"
4 "off" "auto" "manual" "skip" 
Gmap 2 2 8 0 0 2 1 1 1 64
1 "lk"
0 
Archive1 2 2 8 0 0 2 1 0 1 64
1 ""
0 
ACQtime 7 1 100000000 0 1 2 1 256 1 64
1 804.139407 
0 
Archive2 2 2 8 0 0 2 1 0 1 64
1 ""
0 
EDratio 1 1 9.99999984307e+17 -9.99999984307e+17 0 2 1 0 1 64
1 1 
0 
H1reffrq 1 1 9.99999984307e+17 -9.99999984307e+17 0 2 1 0 1 64
1 599.155867482 
0 
Gmapname 2 2 8 0 0 2 1 1 1 64
1 ""
0 
IPrunid 2 2 8 0 0 2 1 0 1 64
1 ""
0 
Qgain 1 1 9.99999984307e+17 -9.99999984307e+17 0 2 1 0 1 64
1 30 
0 
PFGflg 4 2 4 0 0 2 1 0 1 64
1 "y"
0 
Qins 1 1 9.99999984307e+17 -9.99999984307e+17 0 2 1 0 1 64
1 80 
0 
Qinsref 1 1 9.99999984307e+17 -9.99999984307e+17 0 2 1 0 1 64
1 7.4912e-05 
0 
actionid 2 2 8 0 0 4 1 0 1 64
1 "null"
0 
acqdim 7 1 32767 0 0 2 1 0 1 64
1 2 
0 
acqcycles 1 1 9.99999984307e+17 -9.99999984307e+17 0 2 1 0 1 64
1 48 
0 
REQexp 2 2 8 0 0 4 1 256 1 64
1 ""
0 
acqstatus 7 1 32767 0 0 2 1 256 1 64
2 101 0 
0 
acqpath 2 2 8 0 0 2 1 0 1 64
1 ""
0 
adirtmplt 2 2 8 0 0 2 1 0 1 64
1 "/data/p6%YR2%%MO%"
0 
adir2tmplt 2 2 8 0 0 2 1 0 1 64
1 "/mirror/p6%YR2%%MO%"
0 
aig 2 2 2 0 0 4 1 1 1 64
1 "ai"
2 "nm" "ai" 
arraywhitewash 4 2 4 0 0 2 1 0 1 64
1 "n"
0 
arraydim 7 1 32768 1 1 2 1 5 1 64
1 1 
0 
apptype 2 2 8 0 0 2 1 1 1 64
1 "generic_apptype"
0 
ap 2 2 1023 0 0 4 1 6 1 64
1 "1:SAMPLE:date,solvent,file;1:ACQUISITION:sw:1,at:3,np:0,fb:0,bs(bs):0,ss(ss):0,d1:3,d2(d2):6,nt:0,ct:0;1:TRANSMITTER:tn,sfrq:3,tof:1,tpwr:0,pw:3,p1(p1):3;1:DECOUPLER:dn,dof:1,dm,decwave,dpwr:0,dmf:0;2:PRESATURATION:satmode,wet;2:SPECIAL:temp:1,gain:0,spin:0,hst:3,pw90:3,alfa:3;2:FLAGS:il,in,dp,hs;2:PROCESSING:lb(lb):2,sb(sb):3,sbs(sb):3,gf(gf):3,gfs(gf):3,awc(awc):3,lsfid(lsfid):0,lsfrq(lsfrq):1,phfid(phfid):1,fn:0;2:DISPLAY:sp:1,wp:1,rfl:1,rfp:1,rp:1,lp:1;2:PLOT:wc:0,sc:0,vs:0,th:0,aig*,dcg*,dmg*;"
0 
alock 2 2 8 0 0 2 1 0 1 64
1 "n"
5 "a" "n" "s" "u" "y" 
array 2 2 256 0 0 2 1 1 1 64
1 ""
0 
archivedir 2 2 8 0 0 2 1 0 1 64
1 "/data/p62303"
0 
arraydelta 7 1 32767 0 0 2 1 0 1 64
1 1 
0 
arrayflip 4 2 4 0 0 2 1 0 1 64
1 "n"
0 
arraydscale 4 2 4 0 0 2 1 0 1 64
1 "n"
0 
arraydodc 4 2 4 0 0 2 1 0 1 64
1 "n"
0 
arrayelemts 1 1 9.99999984307e+17 -9.99999984307e+17 0 2 1 0 1 64
1 1 
0 
arraystart 7 1 32767 0 0 2 1 0 1 64
1 1 
0 
arraymax 7 1 32767 0 0 2 1 0 1 64
1 12 
0 
arraystop 7 1 32767 0 0 2 1 0 1 64
1 12 
0 
awc1 1 1 1 -1 0.001 3 1 1 0 64
1 0 
0 
avwdir 2 2 8 0 0 3 1 0 1 64
1 ""
0 
at 1 1 14 14 14 2 1 8203 1 64
1 0.9888768 
0 
awc 1 1 1 -1 0.001 3 1 1 0 64
1 0 
0 
axis 4 2 4 0 0 4 1 0 1 64
1 "p"
11 "c" "d" "1" "2" "3" "h" "k" "m" "n" "p" "u" 
d2 3 1 14 14 14 2 1 8194 1 64
1 0 
0 
compshape 2 2 8 0 0 2 1 0 1 64
1 "hard"
0 
cf 7 1 32767 0 1 3 1 1 0 64
1 1 
0 
c13wet 4 2 4 0 0 2 1 0 1 64
1 "n"
0 
bipflg 2 2 8 0 0 2 1 8 1 64
1 "nn"
0 
bs 7 1 32767 0 1 2 1 0 1 64
1 2 
0 
celem 1 1 9.99999984307e+17 -9.99999984307e+17 0 2 1 0 1 64
1 48 
0 
comment 2 2 8 0 0 3 1 0 1 64
1 ""
0 
chunk1 1 1 9.99999984307e+17 -9.99999984307e+17 0 2 1 0 1 64
1 0 
0 
composit 4 2 4 0 0 2 1 0 1 64
1 "n"
0 
cr 1 1 1000000000 -1000000000 0 4 1 1 1 64
1 3208.98414877 
0 
cp 2 2 1 0 0 2 1 0 1 64
1 "y"
2 "y" "n" 
console 2 2 8 0 0 2 1 0 1 64
1 "vnmrs"
0 
concentration 1 1 9.99e+17 0 0 2 1 8 1 64
1 0 
0 
cppauseflg 4 2 4 0 0 4 1 0 1 64
1 "n"
0 
ct 7 1 1000000000 0 1 2 1 6 1 64
1 4 
0 
crf 1 1 9.99999984307e+17 -9.99999984307e+17 0 4 1 0 1 64
1 0 
0 
cr1 1 1 1000000000 -1000000000 0 4 1 3 1 64
1 2976.52080605 
0 
cutoff 1 1 9.99999984307e+17 -9.99999984307e+17 0 4 1 0 0 64
1 200 
0 
customflag 4 2 4 0 0 4 1 0 1 64
1 "n"
0 
d1 3 1 14 14 14 2 1 8194 1 64
1 1 
0 
dcrmv 4 2 9.99999984307e+17 -9.99999984307e+17 0 4 1 0 1 64
1 "n"
2 "y" "n" 
datname 2 2 8 0 0 3 1 0 1 64
1 ""
0 
dataid 2 2 8 0 0 3 1 0 1 64
1 ""
0 
d3 1 1 9.99999984307e+17 -9.99999984307e+17 0 2 1 0 1 64
1 0.03 
0 
date 2 2 9 0 0 2 1 1 1 64
1 "Mar 30 2023"
0 
dcg 2 2 3 0 0 4 1 1 1 64
1 "cdc"
2 "dc" "cdc" 
dbwwet 1 1 9.99999984307e+17 -9.99999984307e+17 0 2 1 0 1 64
1 5000 
0 
dec3wave 2 2 8 0 0 2 1 0 1 64
1 "g"
0 
ddrtc 6 1 1000 0 0.4 2 1 0 1 64
1 39.6 
0 
ddrpm 2 2 8 0 0 2 1 0 1 64
1 "p"
0 
dec2wave 2 2 8 0 0 2 1 0 1 64
1 "g"
0 
decwavewet 2 2 8 0 0 2 1 0 1 64
1 "w"
0 
decwave 2 2 8 0 0 2 1 0 1 64
1 "jOne_2014-05-12"
0 
delta 1 1 5000000 0 0 4 1 1 1 64
1 690.810981838 
0 
dpwrwet 1 1 9.99999984307e+17 -9.99999984307e+17 0 2 1 0 1 64
1 39 
0 
dmg1 2 2 8 0 0 4 1 0 1 64
1 ""
4 "" "av1" "ph1" "pwr1" 
displaymode 4 2 9.99999984307e+17 -9.99999984307e+17 0 4 1 0 1 64
1 "r"
0 
dg2 2 2 8 0 0 4 1 4 1 64
6 "1:1st DECOUPLING:dfrq:3,dn,dpwr:0,dof:1,dm,dmm,dmf:0,dseq,dres:1,homo;"
"2(numrfch>2):2nd DECOUPLING:dfrq2:3,dn2,dpwr2:0,dof2:1,dm2,dmm2,dmf2:0,dseq2,dres2:1,homo2;"
"2(numrfch>3):3rd DECOUPLING:dfrq3:3,dn3,dpwr3:0,dof3:1,dseq3,dres3:1,homo3;"
"3(ni2):3D ACQUISITION:d3:3,sw2:1,ni2:0,phase2:0;"
"3(ni2):3D DISPLAY:rp2:1,lp2:1;"
"4(ni2):3D PROCESSING:lb2:3,sb2:3,sbs2(sb2):3,gf2:3,gfs2(gf2):3,awc2:3,wtfile2,proc2,fn2:0;"
0 
dg 2 2 1023 0 0 4 1 6 1 64
1 "1:ACQUISITION:seqfil,sw:1,at:3,np:0,fb:0,bs(bs):0,ss(ss):0,d1:3,d2(d2):6,nt:0,ct:0;1:SAMPLE:date,solvent,sample;2:TRANSMITTER:tn,sfrq:3,tof:1,tpwr:0,pw:3,p1(p1):3;2:DECOUPLER:dn,dof:1,dm,decwave,dpwr:0,dmf:0;3:SPECIAL:temp:1,spin:0,gain:0,hst:3,pw90:3,alfa:3;3:PRESATURATION:satmode,wet;3:Details in dgss:;4:PROCESSING:cf(nf):0,lb:2,sb:3,sbs(sb):3,gf:3,gfs(gf):3,awc:3,lsfid:0,lsfrq(lsfrq):1,phfid(phfid):1,fn:0,math(math<>'f'),wtfile(wtfile<>'');4:FLAGS:il,in,dp,hs;"
0 
density 1 1 9.99999984307e+17 -9.99999984307e+17 0 2 1 0 1 64
1 1 
0 
deltaf 1 1 100 0 0 4 1 0 1 64
1 0 
0 
dfrq 5 1 1000000000 -1000000000 0 2 1 8 1 64
1 150.672141 
0 
dg1 2 2 1023 0 0 4 1 6 1 64
1 "1:DISPLAY:sp:1,wp:1,vs:0;1:REFERENCE:rfl:1,rfp:1,cr:1,delta:1;1:PHASE:lp:1,rp:1,rp1(ni):1,lp1(ni):1;2:CHART:sc:0,wc:0,hzmm:2,vp:0,axis,pltmod,,th:0,,ho:2,vo:2,,trace:2;3(ni):2D:sp1:1,wp1:1,sc2:0,wc2:0,rfl1:1,rfp1:1;3:FLAGS:aig*,dcg*,dmg*;3:FID:sf:3,wf:3,vf:0;4:INTEGRAL:intmod,is:2,ins:3,io:0,,lvl:3,tlt:3;"
0 
dgss 2 2 8 0 0 4 1 6 1 64
1 "1:WET:wet,wetshape,wetpwr,pwwet:3,composit,compshape,gzlvlw,gtw:6,gswet:6,dz:6;2:C13 WET:c13wet,dofwet:1,dpwrwet,dmfwet,decwavewet;4:PRESAT:satmode,satpwr,satdly:3,satfrq:1;"
0 
dglp 2 2 8 0 0 4 1 7 1 64
1 "1(lpfilt):LP:lpalg,lpopt,lpfilt:0,lpnupts:0,strtlp:0,lpext:0,strtext:0;2(lpfilt1):LP 1:lpalg1,lpopt1,lpfilt1:0,lpnupts1:0,strtlp1:0,lpext1:0,strtext1:0;3(lpfilt2):LP 2:lpalg2,lpopt2,lpfilt2:0,lpnupts2:0,strtlp2:0,lpext2:0,strtext2:0;4:LP OUTPUT:lpprint(lpfilt):0,lptrace(lpfilt):0,lpprint1(lpfilt1):0,lptrace1(lpfilt1):0,lpprint2(lpfilt2):0,lptrace2(lpfilt2):0;"
0 
dgs 2 2 1023 0 0 4 1 6 1 64
5 "1:AXIAL SHIMS:z1:0,z2:0,z3:0,z4:0,z5:0,z6:0,z7:0;"
"2:NON AXIAL SHIMS:x1:0,y1:0,xz:0,yz:0,xy:0,x2y2:0,x3:0,y3:0,xz2:0,yz2:0,zxy:0,zx2y2:0,z3x:0,z3y:0;"
"3:NON AXIAL SHIMS:z2x2y2:0,z2xy:0,zx3:0,zy3:0,z4x:0,z4y:0;"
"4:AUTOMATION:method,wshim,load,,spin:0,gain:0,alock,loc:0;"
"4:SPECIAL:temp;"
0 
dhp 1 1 9 9 9 2 1 8192 0 64
1 40 
0 
dgssm 2 2 8 0 0 4 1 6 1 64
1 "1:WET:wet,gzlvlw,gtw:6,gswet:6,dz:6;1:C13 WET:c13wet,dofwet:1,dpwrwet,dmfwet;2:WETshapes:wetshape1,wetshape2,wetshape3,wetshape4;3:WETpowers:wetpwr1,wetpwr2,wetpwr3,wetpwr4;3:WETpulses:pwwet1:3,pwwet2:3,pwwet3:3,pwwet4:3;4:PRESAT:satmode,satpwr,satdly:3,satfrq:1;"
0 
disCmd 2 2 8 0 0 4 1 0 1 64
1 ""
0 
dmfwet 7 1 32767 0 0 2 1 0 1 64
1 5517 
0 
dm 4 2 4 0 0 2 1 0 1 64
1 "nnn"
4 "a" "n" "s" "y" 
dlp 7 1 10 10 10 2 1 8194 0 64
1 10 
0 
dmf 7 1 11 11 11 2 1 8194 1 64
1 35088 
0 
dmg 2 2 2 0 0 4 1 3 1 64
1 "ph"
0 
dnbippwr 1 1 63 -16 1 2 1 0 1 64
1 61 
0 
dn3ref 2 2 8 0 0 4 1 1 1 64
1 ""
0 
dn 2 2 4 0 0 2 1 8 1 64
1 "C13"
0 
dmm 4 2 4 0 0 2 1 0 1 64
1 "c"
9 "c" "f" "g" "m" "p" "r" "u" "w" "x" 
dmmwet 2 2 8 0 0 2 1 0 1 64
1 "w"
0 
dn2ref 2 2 8 0 0 4 1 1 1 64
1 ""
0 
dn2shapes 2 2 8 0 0 2 1 256 1 64
3 ""
""
""
0 
dn4ref 2 2 8 0 0 4 1 1 1 64
1 ""
0 
dn3shapes 2 2 8 0 0 2 1 256 1 64
3 ""
""
""
0 
dnbippw 6 1 1000000 0 0.025 2 1 0 1 64
1 30.2 
0 
dofwet 5 1 1000000000 -1000000000 0 2 1 0 1 64
1 0 
0 
dod 3 1 14 14 14 2 1 8194 1 64
1 0.00999999977648 
0 
dnref 2 2 8 0 0 4 1 1 1 64
1 "Me4Si, 1% in CDCl3"
0 
dnbipshp 2 2 8 0 0 2 1 0 1 64
1 "hard"
0 
dnshapes 2 2 8 0 0 2 1 256 1 64
3 ""
""
""
0 
dof 5 1 8 8 8 2 1 8202 1 64
1 0 
0 
dotflag 2 2 8 0 0 4 1 0 1 64
1 "n"
2 "n" "y" 
dopwCal 2 2 8 0 0 2 1 256 1 64
3 "n"
"4.0"
"1.0"
0 
doscout 7 1 10 -10 1 2 1 0 1 64
1 0 
0 
dpatwet 2 2 8 0 0 2 1 0 1 64
1 "waltz16"
0 
dp 2 2 1 0 0 2 1 0 1 64
1 "y"
2 "y" "n" 
dpwr 1 1 9 9 9 2 1 8194 1 64
1 39 
0 
dpf_wc2 1 1 9.99999984307e+17 -9.99999984307e+17 0 4 1 0 1 64
1 134.2 
0 
f1coef 2 2 8 0 0 3 1 1 1 64
1 ""
0 
dz 3 1 14 14 14 2 1 8192 1 64
1 1e-05 
0 
dseq 2 2 8 0 0 2 1 0 1 64
1 "W40_ONE_NMR_MR1101W040"
0 
droppts 7 1 32767 0 0 2 1 0 1 64
1 1 
0 
dres 7 1 360 1 0 2 1 0 1 64
1 9 
0 
dreffrq 1 1 9.99999984307e+17 -9.99999984307e+17 0 2 1 0 1 64
1 150.65786271 
0 
dreswet 1 1 9.99999984307e+17 -9.99999984307e+17 0 2 1 0 1 64
1 90 
0 
dsSelect 7 1 32767 0 0 4 1 0 1 64
37 1 2 3 4 5 6 7 8 9 10 11 12 13 14 15 16 17 18 19 20 21 22 23 24 25 26 27 28 29 30 31 32 33 34 35 36 37 
0 
dss_sc2 1 1 9.99999984307e+17 -9.99999984307e+17 0 4 1 0 1 64
1 0 
0 
dss_sc 1 1 9.99999984307e+17 -9.99999984307e+17 0 4 1 0 1 64
1 0 
0 
dseqwet 2 2 8 0 0 2 1 0 1 64
1 "waltz16"
0 
dss_wc2 1 1 9.99999984307e+17 -9.99999984307e+17 0 4 1 0 1 64
1 133 
0 
dss_wc 1 1 9.99999984307e+17 -9.99999984307e+17 0 4 1 0 1 64
1 252 
0 
dutyc 1 1 9.99999984307e+17 -9.99999984307e+17 0 2 1 0 1 64
1 0.1 
0 
emessage 4 2 4 0 0 2 1 0 1 64
1 "n"
0 
emailaddr 2 2 8 0 0 4 1 0 1 64
1 ""
0 
eOptions 2 2 8 0 0 4 1 264 1 64
1 ""
0 
emailwhen 2 2 8 0 0 2 1 0 1 64
1 ""
0 
exppath 2 2 8 0 0 2 1 0 1 64
1 "/home/service/vnmrsys/Automation/auto_20230329_01/enterQ.macdir/loc61_001/current"
0 
explist 2 2 8 0 0 2 1 256 1 64
1 "JPSYCHE_001"
0 
explabel 2 2 8 0 0 2 1 0 1 64
1 "ja_PSYCHE_pr_03b"
0 
f1SW 2 2 8 0 0 2 1 1 1 64
1 ""
0 
fidid 2 2 8 0 0 2 1 0 1 64
1 ""
0 
fb 7 1 6 6 6 2 1 8203 1 64
1 4000 
0 
faculty 2 2 8 0 0 2 1 0 1 64
1 ""
0 
f2SW 2 2 8 0 0 2 1 1 1 64
1 ""
0 
fadflg 4 2 4 0 0 2 1 0 1 64
1 "n"
0 
fdffile 2 2 8 0 0 3 1 0 1 64
1 ""
0 
fdfdir 2 2 8 0 0 3 1 0 1 64
1 ""
0 
fn 7 1 524288 64 -2 3 1 1 1 64
1 65536 
0 
filter 7 1 1000000000 0 1 2 1 2 1 64
1 54.0999984741 
0 
file 2 2 6 0 0 2 1 3 1 64
1 "/data/p62303/Mar29180845/ja_PSYCHE_pr_03b_01.fid"
0 
filename 2 2 8 0 0 2 1 1 1 64
1 "ja_PSYCHE_pr_03b_01"
0 
filtfile 2 2 8 0 0 2 1 0 1 64
1 ""
0 
fpmult 1 1 1000000000 0 0 3 1 0 0 64
1 1 
0 
fn1 7 1 524288 64 -2 3 1 1 1 64
1 512 
0 
fpmult1 1 1 1000000000 0 0 3 2 0 0 64
1 0.5 
0 
presatgh2 1 1 9.99999984307e+17 -9.99999984307e+17 0 2 1 0 1 64
1 10 
0 
lpext1 7 1 1000000 0 1 3 1 0 1 64
1 48 
0 
gzlvl_ss 1 1 9.99999984307e+17 -9.99999984307e+17 0 2 1 0 1 64
1 3000 
0 
gtss 1 1 9.99999984307e+17 -9.99999984307e+17 0 2 1 0 1 64
1 0.0013 
0 
gt0 3 1 14 14 14 2 1 8192 1 64
1 0.0016 
0 
gmapspin 2 2 8 0 0 2 1 0 1 64
1 "n"
2 "n" "y" 
gf1 1 1 100000 0 0 3 1 1 0 64
1 0.2354688 
0 
gain 1 1 60 0 2 2 1 0 1 64
1 40 
0 
fzoom 7 1 32767 0 0 4 1 0 1 64
1 0 
0 
gf 1 1 100000 0 0 3 1 1 1 64
1 0.4944384 
0 
gfs1 1 1 1000 -1000 0.001 3 1 1 0 64
1 0 
0 
gfs 1 1 1000 -1000 0.001 3 1 1 0 64
1 0 
0 
gstab 3 1 14 14 14 2 1 8192 1 64
1 0.0012 
0 
go_id 2 2 8 0 0 2 1 7 1 64
1 "exp3.service.appleby_1680196947_017252"
0 
go_Options 2 2 8 0 0 2 1 7 1 64
3 "au"
"next"
"wait"
0 
gswet 3 1 14 14 14 2 1 8192 1 64
1 0.002 
0 
gstab2 3 1 14 14 14 2 1 8192 1 64
1 0.0005 
0 
gt6 3 1 14 14 14 2 1 8192 1 64
1 0.001 
0 
gt4 3 1 14 14 14 2 1 8192 1 64
1 0.001 
0 
gt2 3 1 14 14 14 2 1 8192 1 64
1 0.001 
0 
gt1 3 1 14 14 14 2 1 8192 1 64
1 0.0005 
0 
gt3 3 1 14 14 14 2 1 8192 1 64
1 0.001 
0 
gt5 3 1 14 14 14 2 1 8192 1 64
1 0.001 
0 
gt9 3 1 14 14 14 2 1 8192 1 64
1 0.001 
0 
gt7 3 1 14 14 14 2 1 8192 1 64
1 0.001 
0 
gt8 3 1 14 14 14 2 1 8192 1 64
1 0.001 
0 
gtD 3 1 14 14 14 2 1 8192 1 64
1 0 
0 
gtE 3 1 14 14 14 2 1 8192 1 64
1 0 
0 
gzlvl4 1 1 1000000 -1000000 1 2 1 0 1 64
1 2028 
0 
gzlvl0 1 1 1000000 -1000000 1 2 1 0 1 64
1 5070 
0 
gxppars 2 2 8 0 0 2 1 0 1 64
1 ""
0 
gtw 3 1 14 14 14 2 1 8192 1 64
1 0.002 
0 
gzlvl2 1 1 1000000 -1000000 1 2 1 0 1 64
1 300 
0 
gzlvl1 1 1 1000000 -1000000 1 2 1 0 1 64
1 -5000 
0 
gzlvl3 1 1 1000000 -1000000 1 2 1 0 1 64
1 1521 
0 
gzlvl8 1 1 1000000 -1000000 1 2 1 0 1 64
1 4056 
0 
gzlvl6 1 1 1000000 -1000000 1 2 1 0 1 64
1 3042 
0 
gzlvl5 1 1 1000000 -1000000 1 2 1 0 1 64
1 2535 
0 
gzlvl7 1 1 1000000 -1000000 1 2 1 0 1 64
1 3549 
0 
gzlvlD 1 1 1000000 -1000000 1 2 1 0 1 64
1 0 
0 
gzlvl9 1 1 1000000 -1000000 1 2 1 0 1 64
1 4563 
0 
gzlvlE 1 1 1000000 -1000000 1 2 1 0 1 64
1 0 
0 
io 1 1 500 -500 0.1 4 1 1 1 64
1 10 
0 
hsglvl 1 1 1000000 -1000000 1 2 1 0 1 64
1 6084 
0 
hdres 1 1 9.99999984307e+17 -9.99999984307e+17 0 2 1 0 1 64
1 9 
0 
hdof 5 1 7 7 7 2 1 8194 1 64
1 0 
0 
hdfrqw 1 1 9.99999984307e+17 -9.99999984307e+17 0 2 1 256 0 64
1 10 
0 
hdfrqc 5 1 1000000000 -1000000000 0 2 1 256 0 64
1 0 
0 
gzlvlw 1 1 9.99999984307e+17 -9.99999984307e+17 0 2 1 0 1 64
1 14354 
0 
hdmf 1 1 9.99999984307e+17 -9.99999984307e+17 0 2 1 0 1 64
1 600 
0 
hdpwr 7 1 49 -16 1 2 1 2 1 64
1 1 
0 
hdpsmode 4 2 4 0 0 2 1 0 1 64
1 "n"
0 
hdpwrf 1 1 4095 0 0 2 1 0 1 64
1 4095 
0 
ho 1 1 500 -500 0 4 1 1 1 64
1 -7.2545045045 
0 
hdseq 2 2 8 0 0 2 1 0 1 64
1 ""
0 
hdwave 2 2 8 0 0 2 1 0 1 64
1 "SEDUCE1"
0 
hs 4 2 4 0 0 2 1 0 1 64
1 "nn"
2 "n" "y" 
homo 2 2 8 0 0 2 1 8 1 64
1 "n"
2 "n" "y" 
ins 3 1 8190 0 1e-07 4 1 3 1 64
1 100 
0 
hzmm 1 1 1000000000 -1000000000 0 4 1 11 1 64
1 26.8052180158 
0 
hst 3 1 0.02 0 2.5e-08 2 1 2 1 64
1 0.00800000037998 
0 
hsgt 3 1 14 14 14 2 1 8192 1 64
1 0.002 
0 
il 2 2 1 0 0 2 1 0 1 64
1 "n"
2 "y" "n" 
ident 2 2 8 0 0 3 1 0 1 64
1 ""
0 
in 4 2 1 0 0 2 1 0 1 64
1 "n"
3 "n" "w" "y" 
intmod 2 2 8 0 0 4 1 0 1 64
1 "off"
3 "off" "partial" "full" 
ins2ref 1 1 9.99999984307e+17 -9.99999984307e+17 0 4 1 0 1 64
1 1 
0 
ins2 1 1 9.99999984307e+17 -9.99999984307e+17 0 4 1 0 1 64
1 1 
0 
insref 1 1 9.99999984307e+17 -9.99999984307e+17 0 4 1 0 0 64
1 1 
0 
investigator 2 2 8 0 0 4 1 0 1 64
1 ""
0 
intstd 2 2 8 0 0 2 1 0 1 64
1 ""
0 
invgcal 1 1 1000000 -1000000 1 2 1 0 1 64
1 507 
0 
locdir 2 2 8 0 0 2 1 0 1 64
1 ""
0 
liamp 1 1 1000000000 0 0 4 1 0 0 64
21 -0.0876378991234 -0.012384429574 0.0163420513272 0.086536616087 -0.147957071662 124.738044962 0.00717163085938 8.46031951904 0 1.775390625 0.00433349609375 0.0328521728516 0.003173828125 0.0584564208984 0 11.2379150391 -0.0314331054688 -0.0177917480469 -0.0315856933594 -0.0122222900391 -0.0575866699219 
0 
lb 1 1 100000 -100000 0 3 1 1 0 64
1 3 
0 
iswt 1 1 9.99999984307e+17 -9.99999984307e+17 0 2 1 0 1 64
1 0 
0 
is 1 1 1000000000 1e-06 0 4 1 3 1 64
1 820.920353778 
0 
layout 2 2 8 0 0 4 1 0 1 64
1 "s2pul"
0 
lb1 1 1 100000 -100000 0 3 1 1 0 64
1 0.318309992552 
0 
lcpeak_ 7 1 32767 0 0 2 1 32768 1 64
1 0 
0 
llfrq 1 1 1000000000 -1000000000 0 4 1 0 0 64
72 5671.20772142 5665.85247334 5660.93738263 5653.60142635 5640.02990723 4005.94564585 3989.73318247 3977.40877592 3717.78928317 3710.8201247 3703.63088755 3696.66172908 3597.6263193 3592.56450947 3584.05480018 3501.67201116 3486.85337947 3473.42857948 3457.65627348 3438.21598933 3427.72557185 3403.00339919 3396.25431941 3389.21180138 3358.84094238 3356.34671725 3350.84475004 3338.52034349 3331.55118502 3324.50866699 3317.31942984 3308.66300143 3296.77875226 3287.0219304 3263.69358943 3256.28427359 3220.48480694 3211.60829984 3204.7858605 3196.20279166 3108.68483323 3100.54192176 3095.11331412 3083.37578407 3075.67302997 2986.17436336 2975.46386719 2965.70704534 2954.48303223 2279.20825665 2074.38835731 2066.17208628 2058.90948956 2021.05595515 2013.866718 2007.19099779 2002.71606445 1999.92840107 1995.60018686 1976.15990272 1963.46869836 1956.05938251 1939.62684045 1932.87776067 1929.94337816 1922.97421969 1771.26664382 1764.44420448 1750.72596623 1743.53672908 1725.12347882 1718.08096079 
0 
llamp 1 1 1000000000 0 0 4 1 0 0 64
72 0.0321698412299 0.0669020861387 0.0887636467814 0.0294633302838 0.00841039326042 0.00955071300268 4.99151086807 0.00396027881652 0.00579851819202 0.0175653975457 0.0174205917865 0.00567805580795 0.0175827946514 0.0165341068059 0.0260433256626 0.00342903519049 0.00284091336653 0.00499818474054 0.0491898097098 0.00461018364877 0.00478682760149 0.0204283744097 0.00615879520774 0.0163349267095 0.0059068039991 0.00609572138637 0.0075925886631 0.0154550010338 0.0343530960381 0.0348991900682 0.0111422138289 0.00388743332587 0.00312198395841 0.00500369910151 0.00337612209842 0.0031335321255 0.0100280856714 0.0111553762108 0.00882199313492 0.0084602823481 0.00359202711843 0.00415192870423 0.00916300807148 0.0123998895288 0.00974786095321 0.00549674592912 0.0122334100306 0.0110906455666 0.00478013278916 0.00540323322639 0.0134532824159 0.0774490088224 0.0700692385435 0.00296936067753 0.00319206505083 0.0117606697604 0.0133323306218 0.0136004807428 0.0125213572755 0.00345364864916 0.0671143680811 0.0663016811013 0.00674785114825 0.00676208967343 0.00637901620939 0.00528988847509 0.00327897071838 0.0031454260461 0.0100621292368 0.0102701066062 0.0720954239368 0.0711825042963 
0 
lifrq 1 1 1000000000 -1000000000 0 4 1 0 1 64
22 7382.87233481 7141.80913312 5745.02174411 5489.72657007 4243.1818582 3689.89559308 3647.93328286 3412.22836422 2978.15025442 2978.15025442 2769.07231016 2586.99109695 2345.78117389 2312.62214554 2154.01635063 2154.01635063 1684.65470594 1345.7283542 1108.03974388 836.165055667 592.020705319 0 
0 
load 2 2 4 0 0 2 1 3 1 64
1 "n"
2 "y" "n" 
lllabel 2 2 8 0 0 3 1 0 1 64
1 ""
0 
loc_ 7 1 12 12 12 2 1 8201 1 64
1 61 
0 
lp 1 1 3600 -3600 0.1 4 1 3 1 64
1 0 
0 
lockpower_ 1 1 68 0 1 2 1 65552 1 64
1 26 
0 
lockgain_ 1 1 48 0 1 2 1 65552 1 64
1 24 
0 
lockfreq_ 5 1 160 0 1e-07 2 1 9 1 64
1 91.9743 
0 
lockphase_ 1 1 360 0 1 2 1 65552 1 64
1 152 
0 
longlist 2 2 8 0 0 2 1 0 1 64
1 ""
0 
lot 2 2 8 0 0 2 1 0 1 64
1 ""
0 
lpalg 2 2 8 0 0 3 1 0 1 64
1 "lpfft"
0 
lp1 1 1 3600 -3600 0.1 4 1 3 1 64
1 0 
0 
lpalg1 2 2 8 0 0 3 1 0 1 64
1 "lpfft"
0 
lpext 7 1 1000000 0 1 3 1 0 1 64
1 4 
0 
obsSW 2 2 8 0 0 2 1 1 1 64
1 "setsw(11,-1)"
0 
lvl 1 1 1000000000 -1000000000 0 4 1 1 1 64
1 0 
0 
lpopt1 2 2 8 0 0 3 1 0 1 64
1 "f"
0 
lpnupts1 7 1 1000000 1 1 3 1 0 1 64
1 48 
0 
lpfilt1 7 1 32767 1 1 3 1 0 1 64
1 8 
0 
lpfilt 7 1 32767 1 1 3 1 0 1 64
1 32 
0 
lpnupts 7 1 1000000 1 1 3 1 0 1 64
1 256 
0 
lpopt 2 2 8 0 0 3 1 0 1 64
1 "b"
0 
lptrace1 7 1 32767 0 1 3 1 0 1 64
1 0 
0 
lpprint1 7 1 63 0 1 3 1 0 1 64
1 0 
0 
lpprint 7 1 63 0 1 3 1 0 1 64
1 0 
0 
lptrace 7 1 32767 0 1 3 1 0 1 64
1 0 
0 
lsfrq 1 1 9.99999984307e+17 -9.99999984307e+17 0 3 1 0 0 64
1 0 
0 
lsfid 7 1 64000 -64000 1 3 1 0 1 64
1 0 
0 
lsfrq1 1 1 9.99999984307e+17 -9.99999984307e+17 0 3 1 0 0 64
1 0 
0 
n3 2 2 6 0 0 4 1 3 1 64
1 "n"
0 
modules 2 2 8 0 0 2 1 1 1 64
1 "presat wet gradient quant"
0 
math 2 2 1 0 0 3 1 3 1 64
1 "f"
3 "d" "f" "i" 
macro 2 2 6 0 0 4 1 3 1 64
1 ""
0 
mass 1 1 9.99999984307e+17 0 0 2 1 8 1 64
1 0 
0 
method 2 2 6 0 0 2 1 3 1 64
1 "z1z2"
0 
mfslp 4 2 4 0 0 2 1 0 1 64
1 "n"
0 
n1 2 2 6 0 0 4 1 3 1 64
1 ""
0 
mult 1 1 9.99999984307e+17 -9.99999984307e+17 0 2 1 0 1 64
1 1 
0 
molecularmass 1 1 9.99999984307e+17 0 0 2 1 8 1 64
1 0 
0 
n2 2 2 6 0 0 4 1 3 1 64
1 "n"
0 
ni 7 1 32767 0 0 2 1 0 1 64
1 0 
0 
nameprefix 2 2 8 0 0 2 1 9 1 64
1 "service"
0 
name 2 2 8 0 0 3 1 0 1 64
1 ""
0 
newmodules 2 2 8 0 0 2 1 1 1 64
1 ""
0 
np 7 1 524288 32 2 2 1 11 1 64
1 14208 
0 
notebook 2 2 8 0 0 2 1 0 1 64
1 ""
0 
nt 7 1 1000000000 1 1 2 1 2 1 64
1 4 
0 
phase 7 1 8 0 1 2 1 0 1 64
1 0 
0 
p11console 2 2 8 0 0 2 1 0 1 64
1 ""
0 
osfilt 2 2 8 0 0 2 1 0 1 64
1 ""
5 "a" "A" "b" "B" "" 
oscoef 7 1 49999 3 2 2 1 1 0 64
1 31 
0 
operator_ 2 2 128 0 0 2 1 32772 1 64
1 "service"
0 
osfb 1 1 100000 0 0 2 1 1 0 64
1 0 
0 
oversamp 7 1 68 0 1 2 1 9 1 64
1 1 
0 
oslsfrq 1 1 9.99999984307e+17 -9.99999984307e+17 0 2 1 1 0 64
1 0 
0 
p1 6 1 13 13 13 2 1 8194 1 64
1 0 
0 
parlabel 2 2 8 0 0 2 1 5 1 64
1 "jPSYCHE"
0 
page 2 2 8 0 0 2 1 0 1 64
1 ""
0 
pad 3 1 14 14 14 2 1 8194 1 64
1 0.5 
0 
paramChanged 1 1 9.99999984307e+17 -9.99999984307e+17 0 2 1 0 1 64
1 0 
0 
parver 2 2 8 0 0 2 1 0 1 64
1 "OpenVnmrJ VERSION 3.1 REVISION A"
0 
parstyle_ 2 2 8 0 0 4 1 0 1 64
1 "ppa"
0 
parversion 1 1 9.99999984307e+17 -9.99999984307e+17 0 2 1 4 1 64
1 5.1 
0 
pmode 2 2 8 0 0 3 1 0 1 64
1 "partial"
0 
plocklist 2 2 8 0 0 2 1 1 1 64
1 "MinSW d1 dm gain nt obsSW werr spin wbs plocklist apptype modules wrtp parlabel REQexp ACQtime"
0 
phfid1 1 1 3600 -3600 0.1 3 1 0 0 64
1 0 
0 
phfid 1 1 3600 -3600 0.1 3 1 0 0 64
1 0 
0 
pkpick_ 2 2 8 0 0 4 1 0 1 64
1 "ppf"
0 
pltmod 2 2 8 0 0 4 1 0 1 64
1 "fixed"
5 "off" "fixed" "full" "variable" "user" 
plt2Darg 2 2 8 0 0 4 1 272 1 64
8 "both"
"20"
"1.3"
"f2"
"f1"
""
""
""
0 
plotoption 2 2 8 0 0 4 1 0 1 64
7 "custompl"
"plot2D(`plt2Darg`)"
"comments"
"params"
"logo"
"header"
"miniplot"
0 
pltopt 4 2 4 0 0 2 1 0 1 64
1 "n"
0 
pplvl 1 1 63 -16 1 2 1 0 1 64
1 55 
0 
position2 2 2 8 0 0 3 1 0 1 64
1 ""
0 
position1 2 2 8 0 0 3 1 0 1 64
1 ""
0 
pp 6 1 13 13 13 2 1 8192 1 64
1 15 
0 
prcopt 4 2 4 0 0 2 1 0 1 64
1 "y"
0 
pplvl_cf 1 1 9.99999984307e+17 -9.99999984307e+17 0 2 1 0 1 64
1 1 
0 
preacq 6 1 13 13 13 2 1 8192 0 64
1 0 
0 
sw1 1 1 5000000 1 -1.25e-08 2 1 0 1 64
1 48.5399192296 
0 
sample 2 2 8 0 0 2 1 1 1 64
1 "Mar29180845"
0 
r4 1 1 1e+18 -1e+18 0 4 1 1 1 64
1 0 
0 
pwwet2 6 1 1000000 0 0.025 2 1 0 1 64
1 0 
0 
proc 2 2 10 0 0 3 1 1 1 64
1 "lp"
0 
prggt 3 1 14 14 14 2 1 8192 1 64
1 0.001 
0 
prgd1 3 1 14 14 14 2 1 8192 1 64
1 0.0002 
0 
prescan 2 2 8 0 0 3 1 256 1 64
11 "Not done"
"Not done"
"off"
"off"
"off"
"off"
"off"
"on"
"on"
""
""
0 
presatinit 4 2 4 0 0 2 1 0 1 64
1 "n"
0 
prgcycle 7 1 32767 0 0 2 1 8 1 64
1 2 
0 
prgflg 4 2 4 0 0 2 1 8 1 64
1 "n"
0 
prgd2 3 1 14 14 14 2 1 8192 1 64
1 0.0002 
0 
prggstab 3 1 14 14 14 2 1 8192 1 64
1 0.0005 
0 
prgpw 6 1 13 13 13 2 1 8192 1 64
1 8.6 
0 
prggzlvl 1 1 1000000 -1000000 1 2 1 0 1 64
1 19796 
0 
probe_ 2 2 8 0 0 2 1 8 1 64
1 "ONE_NMR_MR1101W040"
0 
priority 7 1 32768 0 1 2 1 0 1 64
1 5 
0 
probetype_ 2 2 8 0 0 2 1 1 1 64
1 "liquids"
0 
pslabel 2 2 8 0 0 2 1 11 1 64
1 "ja_PSYCHE_pr_03b"
0 
procdim 7 1 32767 0 0 3 1 0 1 64
1 1 
0 
proccmd 2 2 8 0 0 3 1 7 1 64
1 "wft"
0 
proc1 2 2 10 0 0 3 2 1 1 64
1 "lp"
0 
protocols 2 2 8 0 0 3 1 0 1 64
1 ""
0 
processid 1 1 9.99999984307e+17 -9.99999984307e+17 0 3 1 0 1 64
1 0 
0 
psatsolv 2 2 8 0 0 2 1 0 1 64
1 "D2O"
0 
pw 6 1 13 13 13 2 1 8194 1 64
1 8.4 
0 
pstof 5 1 1000000000 -1000000000 0 2 1 264 1 64
1 0 
0 
psppm 2 2 8 0 0 2 1 1 1 64
1 ""
0 
pwwet 6 1 1000000 0 0.025 2 1 0 1 64
1 0 
0 
pw90 6 1 13 13 13 2 1 8194 1 64
1 8.4 
0 
pwwet1 6 1 1000000 0 0.025 2 1 0 1 64
1 0 
0 
pwx2lvl 1 1 63 -16 1 2 1 0 1 64
1 55 
0 
pwx 6 1 13 13 13 2 1 8192 1 64
1 9.8 
0 
pwwet4 6 1 1000000 0 0.025 2 1 0 1 64
1 0 
0 
pwwet3 6 1 1000000 0 0.025 2 1 0 1 64
1 0 
0 
pwx2 6 1 13 13 13 2 1 8192 1 64
1 15 
0 
pwxlvl_cf 1 1 9.99999984307e+17 -9.99999984307e+17 0 2 1 0 1 64
1 1.0399 
0 
pwx2lvl_cf 1 1 9.99999984307e+17 -9.99999984307e+17 0 2 1 0 1 64
1 1 
0 
pwxlvl 1 1 63 -16 1 2 1 0 1 64
1 57 
0 
r2 1 1 1e+18 -1e+18 0 4 1 1 1 64
1 0 
0 
r1 1 1 1e+18 -1e+18 0 4 1 1 1 64
1 0 
0 
r3 1 1 1e+18 -1e+18 0 4 1 1 1 64
1 0 
0 
rfl 1 1 1000000000 -1000000000 0 4 1 1 1 64
1 596.136022945 
0 
reffrq 1 1 9.99999984307e+17 -9.99999984307e+17 0 4 1 0 1 64
1 599.155867482 
0 
ref 5 1 1000000000 -1000000000 0 3 4 0 1 64
1 0 
0 
r6 1 1 1e+18 -1e+18 0 4 1 1 1 64
1 0 
0 
r5 1 1 1e+18 -1e+18 0 4 1 1 1 64
1 0 
0 
r7 1 1 1e+18 -1e+18 0 4 1 1 1 64
1 0 
0 
ref_pw90 6 1 13 13 13 2 1 8192 1 64
1 9 
0 
ref1 5 1 1000000000 -1000000000 0 3 1 0 1 64
1 0 
0 
ref_pwr 1 1 9.99999984307e+17 -9.99999984307e+17 0 2 1 0 1 64
1 60 
0 
refsource1 2 2 8 0 0 4 1 0 1 64
1 "sfrq"
0 
refpos 1 1 9.99999984307e+17 -9.99999984307e+17 0 4 1 0 1 64
1 0 
0 
reffrq1 1 1 9.99999984307e+17 -9.99999984307e+17 0 4 1 0 1 64
1 599.155867482 
0 
refpos1 1 1 9.99999984307e+17 -9.99999984307e+17 0 4 1 0 0 64
1 0 
0 
retentiontime_ 2 2 8 0 0 2 1 0 1 64
1 ""
0 
researchgroup 2 2 8 0 0 2 1 0 1 64
1 ""
0 
refstd_ 2 2 8 0 0 2 1 65808 1 64
1 ""
0 
rfband 4 2 4 0 0 2 1 0 1 64
1 "cc"
3 "c" "h" "l" 
rfchnuclei 2 2 8 0 0 2 1 256 1 64
1 ""
0 
rof1 6 1 13 13 13 2 1 8194 1 64
1 10 
0 
rfp 1 1 1000000000 -1000000000 0 4 1 1 1 64
1 0 
0 
rfl1 1 1 1000000000 -1000000000 0 4 1 1 1 64
1 -2971.54761422 
0 
rfp1 1 1 1000000000 -1000000000 0 4 1 1 1 64
1 0 
0 
rp 1 1 3600 -3600 0.1 4 1 3 1 64
1 -168.707090074 
0 
rof2 6 1 13 13 13 2 1 8194 1 64
1 25.05 
0 
rp1 1 1 3600 -3600 0.1 4 1 3 1 64
1 0 
0 
sa 7 1 10000000 0 0 3 1 1 0 64
1 1024 
0 
selpw 1 1 9.99999984307e+17 -9.99999984307e+17 0 2 1 0 1 64
1 0.12 
0 
sb1 1 1 1000 -1000 0 3 1 1 0 64
1 -0.989 
0 
satmode 4 2 4 0 0 2 1 0 1 64
1 "n"
0 
sampwt 1 1 9.99999984307e+17 -9.99999984307e+17 0 2 1 0 1 64
1 0 
0 
sampleowner 2 2 8 0 0 2 1 0 1 64
1 ""
0 
samplename 2 2 8 0 0 2 1 9 1 64
1 "service"
0 
samplevolume 1 1 9.99999984307e+17 0 0 2 1 8 1 64
1 600 
0 
satdly 3 1 14 14 14 2 1 8192 1 64
1 2 
0 
sas 7 1 10000000 0 0 3 1 1 0 64
1 0 
0 
satfrq 5 1 1000000000 -1000000000 0 2 1 0 1 64
1 -992.008304711 
0 
saveshapes 2 2 8 0 0 2 1 256 1 64
1 ""
0 
satpwr 1 1 30 -16 1 2 1 0 1 64
1 15 
0 
saveglobal_ 2 2 8 0 0 3 1 0 1 64
20 "probe"
"lcpeak"
"loc"
"lockpower"
"lockgain"
"lockphase"
"lockfreq"
"z0"
"lkof"
"vloc"
"vrack"
"vzone"
"vproto"
"pkpick"
"parstyle"
"operator"
"studyid"
"systemname"
"probetype"
"refstd"
0 
sb 1 1 1000 -1000 0 3 1 0 0 64
1 0.826 
0 
sc 1 1 1 1 1 4 1 8195 1 64
1 8 
0 
sbs 1 1 1000 -1000 0 3 1 1 0 64
1 0 
0 
sbbiflg 4 2 4 0 0 2 1 0 1 64
1 "n"
0 
sbs1 1 1 1000 -1000 0 3 1 1 0 64
1 -0.471 
0 
scoutinfo 2 2 8 0 0 2 1 256 1 64
1 ""
0 
scans 2 2 8 0 0 3 1 0 1 64
1 ""
0 
sc2 1 1 3 3 3 4 1 8195 1 64
1 8 
0 
segstab 3 1 14 14 14 2 1 8192 1 64
1 0.0005 
0 
sdirtmplt 2 2 8 0 0 2 1 0 1 64
1 "$submitted$%R0%"
0 
segt5 3 1 14 14 14 2 1 8192 1 64
1 0.0005 
0 
srate 7 1 32767 0 1 2 1 1 1 64
1 25 
0 
shownumy 1 1 9.99999984307e+17 -9.99999984307e+17 0 2 1 0 1 64
1 0 
0 
sf1 1 1 9.99999984307e+17 -9.99999984307e+17 0 4 1 0 1 64
1 0 
0 
seqfil 2 2 8 0 0 2 1 11 1 64
1 "ja_PSYCHE_pr_03b"
0 
selshape 2 2 8 0 0 2 1 0 1 64
1 "jauto30"
0 
selpwr 1 1 9.99999984307e+17 -9.99999984307e+17 0 2 1 0 1 64
1 2 
0 
selshaper 2 2 8 0 0 2 1 0 1 64
1 ""
0 
sf 1 1 8190 0 1e-07 4 1 3 1 64
1 0 
0 
showcontent 2 2 8 0 0 2 1 0 1 64
1 "s"
0 
shims 2 2 8 0 0 2 1 0 1 64
1 ""
0 
sfrq 1 1 1000000000 0 0 2 1 11 1 64
1 599.1588633 
0 
showarray 2 2 8 0 0 2 1 0 1 64
1 "horiz"
0 
shownumstyle 2 2 8 0 0 2 1 0 1 64
1 "auto"
0 
shownumbers 2 2 8 0 0 2 1 0 1 64
1 "v"
0 
shownumx 1 1 9.99999984307e+17 -9.99999984307e+17 0 2 1 0 1 64
1 0 
0 
solvent 2 2 6 0 0 2 1 11 1 64
1 "dmso"
0 
slpsat 4 2 4 0 0 2 1 0 1 64
1 "n"
0 
slpname 2 2 8 0 0 2 1 256 1 64
1 ""
0 
sn 1 1 1e+18 -1e+18 0 3 1 1 1 64
1 0 
0 
sp1 1 1 1000000000 -1000000000 0 4 1 3 1 64
1 2971.54761422 
0 
sp 1 1 1000000000 -1000000000 0 4 1 3 1 64
1 -596.136022945 
0 
spin 1 1 39 0 1 2 1 0 0 64
1 0 
0 
strtext 7 1 1000000 1 1 3 1 0 1 64
1 4 
0 
sslsfrq 1 1 9.99999984307e+17 -9.99999984307e+17 0 3 1 0 0 64
1 0 
0 
ss 7 1 32767 -32768 0 2 1 0 1 64
1 16 
0 
sreffrq 1 1 9.99999984307e+17 -9.99999984307e+17 0 2 1 0 1 64
1 599.155867482 
0 
ssfilter 1 1 50000 10 0.1 3 1 0 0 64
1 200 
0 
ssorder 7 1 20 1 1 3 1 0 0 64
1 7 
0 
ssntaps 7 1 2500 0 1 3 1 0 1 64
1 512 
0 
sspul 4 2 4 0 0 2 1 0 1 64
1 "n"
0 
studyowner 2 2 8 0 0 2 1 0 1 64
1 "service"
0 
strtlp1 7 1 1000000 1 1 3 1 0 1 64
1 48 
0 
strtlp 7 1 1000000 1 1 3 1 0 1 64
1 4 
0 
strtext1 7 1 1000000 1 1 3 1 0 1 64
1 49 
0 
study 2 2 8 0 0 3 1 0 1 64
1 ""
0 
strtpar 2 2 8 0 0 2 1 0 1 64
1 ""
0 
studyid_ 2 2 8 0 0 2 1 0 1 64
1 "tmpstudy"
0 
submitted 2 2 8 0 0 2 1 0 1 64
1 "Mar29180845"
0 
studystatus 2 2 8 0 0 2 1 0 1 64
1 "Active"
0 
studypath 2 2 8 0 0 2 1 0 1 64
1 ""
0 
svftmplt 2 2 8 0 0 2 1 0 1 64
1 "$pslabel$_"
0 
svfopt 4 2 4 0 0 2 1 0 1 64
1 "y"
0 
sw 1 1 5 5 5 2 1 8203 1 64
1 7183.90804598 
0 
wetfly 4 2 4 0 0 2 1 0 1 64
1 "n"
0 
vjdialogarg 2 2 8 0 0 4 1 256 1 64
1 ""
0 
tnref 2 2 8 0 0 4 1 1 1 64
1 "Me4Si, 1% in CDCl3"
0 
time_svfdate 2 2 8 0 0 2 1 0 1 64
1 "20230330T182227"
0 
time_complete 2 2 8 0 0 4 1 0 1 64
1 "20230330T182227"
0 
text_string 2 2 8 0 0 4 1 256 1 64
1 "IRB:ESB:C3 monoester methyl"
0 
temp 1 1 200 -150 0.1 2 1 8 1 64
1 25 
0 
systemname_ 2 2 8 0 0 2 1 0 1 64
1 "appleby-vnmrs600"
0 
tempFTS 1 1 200 -150 0.1 2 1 1 1 64
1 25 
0 
th 1 1 1000000000 0 0 4 1 1 1 64
1 12 
0 
th2d 1 1 1 1e-18 0 4 1 17 1 64
1 0.8 
0 
time_run 2 2 8 0 0 2 1 0 1 64
1 "20230330T182228"
0 
time_plotted 2 2 8 0 0 3 1 0 1 64
1 ""
0 
time_exp 2 2 8 0 0 2 1 0 1 64
1 ""
0 
time_processed 2 2 8 0 0 3 1 0 1 64
1 "20230330T183558"
0 
time_submitted 2 2 8 0 0 2 1 0 1 64
1 "20230330T182227"
0 
time_saved 2 2 8 0 0 4 1 0 1 64
1 "20230330T183559"
0 
time_submitted_local 2 2 8 0 0 2 1 0 1 64
1 "20230330T182227X06PMThuMar"
0 
tn 2 2 4 0 0 2 1 8 1 64
1 "H1"
0 
tlt 1 1 1000000000 -1000000000 0 4 1 1 1 64
1 0 
0 
tin 2 2 1 0 0 2 1 2 1 64
1 "n"
3 "n" "w" "y" 
tnbippwr 1 1 63 -16 1 2 1 0 1 64
1 59 
0 
tnbippw 6 1 1000000 0 0.025 2 1 0 1 64
1 60 
0 
tnbipshp 2 2 8 0 0 2 1 0 1 64
1 "bip60us"
0 
username 2 2 8 0 0 2 1 0 1 64
1 ""
0 
tpwr 1 1 17 17 17 2 1 8194 1 64
1 60 
0 
tof 5 1 7 7 7 2 1 8202 1 64
1 0 
0 
tnshapes 2 2 8 0 0 2 1 256 1 64
3 ""
""
""
0 
tofh2o 5 1 1000000000 -1000000000 0 2 1 0 1 64
1 0 
0 
trace 2 2 2 0 0 4 1 3 1 64
1 "f2"
2 "f1" "f2" 
tpwr_cf 1 1 9.99999984307e+17 -9.99999984307e+17 0 2 1 0 1 64
1 0.9559 
0 
tunemethod 2 2 8 0 0 2 1 0 1 64
1 "lohi-fine"
0 
vf 1 1 1000000000 0 0 4 1 3 1 64
1 174.310211182 
0 
userplotter 2 2 8 0 0 4 1 0 1 64
1 "PDF"
0 
vjdialog 2 2 8 0 0 4 1 256 1 64
1 ""
0 
vs2d 1 1 1000000000 1e-06 0 4 1 3 1 64
1 24497.1294273 
0 
vpf 1 1 500 -500 0 4 1 0 1 64
1 0 
0 
volume 1 1 9.99999984307e+17 -9.99999984307e+17 0 2 1 0 1 64
1 0 
0 
vo 1 1 500 -500 0 4 1 1 1 64
1 0 
0 
vloc_ 2 2 8 0 0 2 1 8 1 64
1 "T2 C1"
0 
vp 7 1 500 -500 0.1 4 1 3 1 64
1 0 
0 
vrack_ 7 1 5 1 0 2 1 0 1 64
1 1 
0 
vpfi 1 1 500 -500 0 4 1 0 1 64
1 0 
0 
vproto_ 2 2 8 0 0 2 1 0 1 64
1 ""
0 
vs 1 1 1000000000 1e-06 0 4 1 3 1 64
1 38.2707862646 
0 
wc 1 1 2 2 2 4 1 8203 1 64
1 252 
0 
vtwait 3 1 14 14 14 2 1 8194 1 64
1 300 
0 
vtc 1 1 255 0 1 2 1 2 1 64
1 25 
0 
vsproj 1 1 1000000000 1e-06 0 4 1 3 1 64
1 4.45071601868 
0 
wbs 2 2 6 0 0 3 1 3 1 64
1 ""
0 
vzone_ 7 1 15 1 0 2 1 0 1 64
1 1 
0 
wds 2 2 8 0 0 3 1 0 1 64
1 ""
0 
wdone 2 2 8 0 0 3 1 0 1 64
1 ""
0 
wc2 1 1 4 4 4 4 1 8195 1 64
1 133 
0 
wet 4 2 4 0 0 2 1 0 1 64
1 "n"
0 
werr 2 2 6 0 0 3 1 3 1 64
1 "cpreact"
0 
wet_cf 1 1 9.99999984307e+17 -9.99999984307e+17 0 2 1 0 1 64
1 1 
0 
x3 7 1 19 19 19 2 1 8192 1 64
1 -2187 
0 
wf 1 1 8190 0 1e-07 4 1 3 1 64
1 0.9888768 
0 
wetpwr 1 1 9.99999984307e+17 -9.99999984307e+17 0 2 1 0 1 64
1 0 
0 
wetfrqs 2 2 8 0 0 2 1 256 1 64
1 "seduce"
0 
wetfrq 5 1 1000000000 -1000000000 0 2 1 256 0 64
1 0 
0 
wetfrqw 1 1 9.99999984307e+17 -9.99999984307e+17 0 2 1 256 1 64
1 80 
0 
wetpeaks 7 1 10 0 1 2 1 0 0 64
1 0 
0 
wetpwr4 1 1 9.99999984307e+17 -9.99999984307e+17 0 2 1 0 1 64
1 0 
0 
wetpwr2 1 1 9.99999984307e+17 -9.99999984307e+17 0 2 1 0 1 64
1 0 
0 
wetpwr1 1 1 9.99999984307e+17 -9.99999984307e+17 0 2 1 0 1 64
1 0 
0 
wetpwr3 1 1 9.99999984307e+17 -9.99999984307e+17 0 2 1 0 1 64
1 0 
0 
wetshape2 2 2 8 0 0 2 1 0 1 64
1 "wetshp"
0 
wetshape 2 2 8 0 0 2 1 0 1 64
1 "wetshp"
0 
wetset 2 2 8 0 0 4 1 0 1 64
1 "set1"
0 
wetshape1 2 2 8 0 0 2 1 0 1 64
1 "wetshp"
0 
wetshape4 2 2 8 0 0 2 1 0 1 64
1 "wetshp"
0 
wetshape3 2 2 8 0 0 2 1 0 1 64
1 "wetshp"
0 
wexp 2 2 6 0 0 3 1 3 1 64
1 "procsave"
0 
wrtp 2 2 8 0 0 3 1 0 1 64
1 ""
0 
wnt 2 2 6 0 0 3 1 3 1 64
1 "psyche_text"
0 
whatemail 2 2 8 0 0 2 1 0 1 64
1 "message"
0 
wf1 1 1 9.99999984307e+17 -9.99999984307e+17 0 4 1 0 1 64
1 5.2740096 
0 
whenemail 2 2 8 0 0 2 1 0 1 64
1 "never"
0 
wp1 1 1 100000 0 0 4 1 3 1 64
1 48.5399192296 
0 
wp 1 1 5000000 0 0 4 1 11 1 64
1 7183.90804598 
0 
wqinit 2 2 8 0 0 4 1 0 1 64
1 ""
0 
wtfile1 2 2 15 0 0 3 2 1 1 64
1 ""
0 
wstart 2 2 8 0 0 3 1 0 1 64
1 ""
0 
wshim 4 2 4 0 0 2 1 1 1 64
1 "n"
15 "e" "f" "g" "n" "s" "0" "1" "2" "3" "4" "5" "6" "7" "8" "9" 
wtfile 2 2 15 0 0 3 1 1 1 64
1 ""
0 
x1 7 1 19 19 19 2 1 8192 1 64
1 3206 
0 
wtune 4 2 4 0 0 2 1 0 1 64
1 "st12"
10 "s" "t" "e" "v" "i" "n" "1" "2" "3" "4" 
x2y2 7 1 19 19 19 2 1 8192 1 64
1 1587 
0 
z3x3 7 1 19 19 19 2 1 8192 1 64
1 0 
0 
z2x2y2 7 1 19 19 19 2 1 8192 1 64
1 -129 
0 
y4 7 1 19 19 19 2 1 8192 1 64
1 0 
0 
xz 7 1 19 19 19 2 1 8192 1 64
1 -2675 
0 
xdiag 1 1 1e+18 0 0 4 1 17 1 64
1 0 
0 
x4 7 1 19 19 19 2 1 8192 1 64
1 0 
0 
xy 7 1 19 19 19 2 1 8192 1 64
1 1050 
0 
y1 7 1 19 19 19 2 1 8192 1 64
1 -6895 
0 
xz2 7 1 19 19 19 2 1 8192 1 64
1 -3556 
0 
y3 7 1 19 19 19 2 1 8192 1 64
1 12293 
0 
z1 7 1 19 19 19 2 1 8192 1 64
1 -4041 
0 
yz2 7 1 19 19 19 2 1 8192 1 64
1 -1292 
0 
yz 7 1 19 19 19 2 1 8192 1 64
1 -5631 
0 
z0_ 1 1 19 19 19 2 1 73744 1 64
1 12549 
0 
z2 7 1 19 19 19 2 1 8192 1 64
1 -11912 
0 
z1c 7 1 19 19 19 2 1 8192 1 64
1 -1044 
0 
z2c 7 1 19 19 19 2 1 8192 1 64
1 196 
0 
z3 7 1 19 19 19 2 1 8192 1 64
1 -3936 
0 
z2xy 7 1 19 19 19 2 1 8192 1 64
1 -6112 
0 
z2x3 7 1 19 19 19 2 1 8192 1 64
1 0 
0 
z2y3 7 1 19 19 19 2 1 8192 1 64
1 0 
0 
z3x 7 1 19 19 19 2 1 8192 1 64
1 -5088 
0 
z3c 7 1 19 19 19 2 1 8192 1 64
1 0 
0 
z3x2y2 7 1 19 19 19 2 1 8192 1 64
1 0 
0 
z4xy 7 1 19 19 19 2 1 8192 1 64
1 0 
0 
z4 7 1 19 19 19 2 1 8192 1 64
1 -1656 
0 
z3y 7 1 19 19 19 2 1 8192 1 64
1 4958 
0 
z3xy 7 1 19 19 19 2 1 8192 1 64
1 0 
0 
z3y3 7 1 19 19 19 2 1 8192 1 64
1 0 
0 
z4x 7 1 19 19 19 2 1 8192 1 64
1 -2759 
0 
z4c 7 1 19 19 19 2 1 8192 1 64
1 0 
0 
z4x2y2 7 1 19 19 19 2 1 8192 1 64
1 0 
0 
z7 7 1 19 19 19 2 1 8192 1 64
1 6834 
0 
z5y 7 1 19 19 19 2 1 8192 1 64
1 0 
0 
z5 7 1 19 19 19 2 1 8192 1 64
1 1279 
0 
z4y 7 1 19 19 19 2 1 8192 1 64
1 -388 
0 
z5x 7 1 19 19 19 2 1 8192 1 64
1 0 
0 
z6 7 1 19 19 19 2 1 8192 1 64
1 -5317 
0 
zx2y2 7 1 19 19 19 2 1 8192 1 64
1 -5987 
0 
zoom 7 1 32767 0 0 4 1 0 1 64
1 0 
0 
z8 7 1 19 19 19 2 1 8192 1 64
1 0 
0 
zxy 7 1 19 19 19 2 1 8192 1 64
1 2685 
0 
zx3 7 1 19 19 19 2 1 8192 1 64
1 -153 
0 
zy3 7 1 19 19 19 2 1 8192 1 64
1 -902 
0 
