##TITLE= Parameter file, TopSpin 4.1.1
##JCAMPDX= 5.0
##DATATYPE= Parameter Values
##NPOINTS= 6	$$ modification sequence number
##ORIGIN= UXNMR, Bruker Analytische Messtechnik GmbH
##OWNER= guest
$$ 2022-05-23 16:49:45.846 -0700  dennison@magnet.ps.uci.edu
$$ /Volumes/PRDMacProHD/Users/dennison/NMRdata/pdenni/partII_A/8/pdata/1/proc2s
$$ process /opt/topspin4.1.1/prog/mod/proc2d
##$ABSF1= 219.415
##$ABSF2= -0.6642744
##$ABSG= 5
##$ABSL= 0
##$ALPHA= 0
##$AQORDER= 0
##$ASSFAC= 0
##$ASSFACI= 0
##$ASSFACX= 0
##$ASSWID= 0
##$AUNMP= <        >
##$AXLEFT= 0
##$AXNAME= <F1>
##$AXNUC= <13C>
##$AXRIGHT= 0
##$AXTYPE= 0
##$AXUNIT= <>
##$AZFE= 0.1
##$AZFW= 0.5
##$BCFW= 0
##$BC_mod= 0
##$BYTORDP= 0
##$COROFFS= 0
##$CY= -3
##$DATMOD= 1
##$DC= 0
##$DFILT= <>
##$DTYPP= 0
##$ERETIC= no
##$F1P= 186.989335233331
##$F2P= 4.99470678419583
##$FCOR= 0.5
##$FTSIZE= 1024
##$FT_mod= 6
##$GAMMA= 0
##$GB= 0
##$INTBC= 1
##$INTSCL= 1
##$ISEN= 128
##$LB= 0
##$LEV0= 0
##$LPBIN= 1024
##$MAXI= 10000
##$MC2= 0
##$MEAN= 0
##$ME_mod= 2
##$MI= 1
##$MddCEXP= no
##$MddCT_SP= no
##$MddF180= no
##$MddLAMBDA= 0
##$MddMEMORY= 0
##$MddMERGE= 0
##$MddNCOMP= 0
##$MddNITER= 0
##$MddNOISE= 0
##$MddPHASE= 0
##$MddSEED= 0
##$MddSRSIZE= 0
##$Mdd_CsALG= 0
##$Mdd_CsLAMBDA= 0
##$Mdd_CsNITER= 0
##$Mdd_CsNORM= 0
##$Mdd_CsVE= yes
##$Mdd_CsZF= 0
##$Mdd_LrLAMBDA= 0
##$Mdd_LrNITER= 0
##$Mdd_LrRANK= 0
##$Mdd_LrZF= 0
##$Mdd_mod= 0
##$NCOEF= 100
##$NC_proc= 3
##$NLEV= 6
##$NOISF1= 0
##$NOISF2= 0
##$NSP= 0
##$NTH_PF= 0
##$NTH_PI= 0
##$NZP= 0
##$OFFSET= 219.415
##$PC= 4
##$PHC0= 0
##$PHC1= 0
##$PH_mod= 2
##$PKNL= no
##$PPARMOD= 1
##$PPDIAG= 0
##$PPIPTYP= 0
##$PPMPNUM= 2147483647
##$PPRESOL= 1
##$PSCAL= 1
##$PSIGN= 0
##$PYNMP= <proc.py>
##$RDF1= 0
##$RDF2= 0
##$RDFWHM= 0
##$RDINT= 0
##$RDPOS= 0
##$REVERSE= no
##$SF= 125.78041172
##$SI= 1024
##$SIGF1= 219.415
##$SIGF2= -0.6642744
##$SINO= 16
##$SIOLD= 1024
##$SPECTYP= <>
##$SREF_mod= 1
##$SREGLST= <.MeOH>
##$SSB= 0
##$STSI= 1024
##$STSR= 0
##$SW_p= 27681.660899654
##$SYMM= 0
##$S_DEV= 6707
##$T1D= 5
##$TDeff= 1024
##$TDoff= 0
##$TI= <        >
##$TILT= no
##$TM1= 0
##$TM2= 0
##$TOPLEV= 0
##$USERP1= <user>
##$USERP2= <user>
##$USERP3= <user>
##$USERP4= <user>
##$USERP5= <user>
##$WDW= 3
##$XDIM= 1024
##$YMAX_p= 296329431
##$YMIN_p= 0
##END=
